STORAGE: NONE
CONTENT: NONE
RESTRICTION: || (== net472) (== net5.0)
NUGET
  remote: https://api.nuget.org/v3/index.json
    Castle.Core (4.4.1)
      NETStandard.Library (>= 1.6.1) - restriction: || (&& (== net472) (< net35)) (== net5.0)
      System.Collections.Specialized (>= 4.3) - restriction: || (&& (== net472) (< net35)) (== net5.0)
      System.ComponentModel (>= 4.3) - restriction: || (&& (== net472) (< net35)) (== net5.0)
      System.ComponentModel.TypeConverter (>= 4.3) - restriction: || (&& (== net472) (< net35)) (== net5.0)
      System.Diagnostics.TraceSource (>= 4.3) - restriction: || (&& (== net472) (< net35)) (== net5.0)
      System.Dynamic.Runtime (>= 4.3) - restriction: || (&& (== net472) (< net35)) (== net5.0)
      System.Reflection (>= 4.3) - restriction: || (&& (== net472) (< net35)) (== net5.0)
      System.Reflection.Emit (>= 4.3) - restriction: || (&& (== net472) (< net35)) (== net5.0)
      System.Reflection.TypeExtensions (>= 4.3) - restriction: || (&& (== net472) (< net35)) (== net5.0)
      System.Xml.XmlDocument (>= 4.3) - restriction: || (&& (== net472) (< net35)) (== net5.0)
    CommandLineParser (2.8)
    Costura.Fody (5.6) - copy_local: true
      Fody (>= 6.5.2)
      NETStandard.Library (>= 1.6.1)
    CsvHelper (27.1.1)
      Microsoft.Bcl.AsyncInterfaces (5.0) - restriction: || (== net472) (&& (== net5.0) (>= net47)) (&& (== net5.0) (< netstandard2.1))
      Microsoft.Bcl.HashCode (1.1.1) - restriction: || (== net472) (&& (== net5.0) (>= net47)) (&& (== net5.0) (< netstandard2.1))
      Microsoft.CSharp (4.7) - restriction: || (== net472) (&& (== net5.0) (>= net45) (< netstandard2.0)) (&& (== net5.0) (>= net47)) (&& (== net5.0) (< netstandard2.1))
      System.Buffers (4.5.1) - restriction: || (== net472) (&& (== net5.0) (>= net45) (< netstandard2.0)) (&& (== net5.0) (>= net47)) (&& (== net5.0) (< netstandard2.1))
      System.Memory (4.5.4) - restriction: || (== net472) (&& (== net5.0) (>= net45) (< netstandard2.0)) (&& (== net5.0) (>= net47)) (&& (== net5.0) (< netstandard2.1))
      System.Threading.Tasks.Extensions (4.5.4) - restriction: || (== net472) (&& (== net5.0) (>= net47)) (&& (== net5.0) (< netstandard2.1))
    Fody (6.5.3)
    HtmlAgilityPack (1.11.36)
    MessagePack (2.3.85)
      MessagePack.Annotations (>= 2.3.85)
      Microsoft.Bcl.AsyncInterfaces (>= 1.0) - restriction: || (== net472) (&& (== net5.0) (< netcoreapp2.1)) (&& (== net5.0) (< netcoreapp3.1))
      System.Collections.Immutable (>= 1.5) - restriction: || (== net472) (&& (== net5.0) (< netcoreapp2.1)) (&& (== net5.0) (< netcoreapp3.1))
      System.Memory (>= 4.5.3) - restriction: || (== net472) (&& (== net5.0) (< netcoreapp2.1)) (&& (== net5.0) (< netcoreapp3.1))
      System.Reflection.Emit (>= 4.6) - restriction: || (== net472) (&& (== net5.0) (< netcoreapp2.1)) (&& (== net5.0) (< netcoreapp3.1))
      System.Reflection.Emit.Lightweight (>= 4.6) - restriction: || (== net472) (&& (== net5.0) (< netcoreapp2.1)) (&& (== net5.0) (< netcoreapp3.1))
      System.Runtime.CompilerServices.Unsafe (>= 4.5.2) - restriction: || (== net472) (&& (== net5.0) (< netcoreapp2.1)) (&& (== net5.0) (< netcoreapp3.1))
      System.Threading.Tasks.Extensions (>= 4.5.3) - restriction: || (== net472) (&& (== net5.0) (< netcoreapp2.1)) (&& (== net5.0) (< netcoreapp3.1))
    MessagePack.Annotations (2.3.85)
    Microsoft.AnalysisServices.AdomdClient.NetCore.retail.amd64 (19.26.1.7) - restriction: == net5.0
      Microsoft.Identity.Client (>= 4.6)
    Microsoft.AnalysisServices.AdomdClient.retail.amd64 (19.26.1.7) - restriction: == net472
    Microsoft.AnalysisServices.NetCore.retail.amd64 (19.26.1.7) - restriction: == net5.0
      Microsoft.Identity.Client (>= 4.6)
    Microsoft.AnalysisServices.retail.amd64 (19.26.1.7) - restriction: == net472
    Microsoft.Bcl.AsyncInterfaces (5.0)
      System.Threading.Tasks.Extensions (>= 4.5.4) - restriction: || (== net472) (&& (== net5.0) (>= net461)) (&& (== net5.0) (< netcoreapp2.1) (< netstandard2.1))
    Microsoft.Bcl.HashCode (1.1.1) - restriction: || (== net472) (&& (== net5.0) (>= net47)) (&& (== net5.0) (< netstandard2.1))
    Microsoft.CSharp (4.7) - restriction: || (== net472) (&& (== net5.0) (>= net45) (< netstandard2.0)) (&& (== net5.0) (>= net47)) (&& (== net5.0) (< netstandard2.1))
    Microsoft.Identity.Client (4.36.1)
    Microsoft.NETCore.Platforms (5.0.3) - restriction: || (&& (== net472) (< net45)) (&& (== net472) (>= netcoreapp2.0)) (== net5.0)
    Microsoft.NETCore.Targets (3.1) - restriction: || (&& (== net472) (< net45)) (== net5.0)
    Microsoft.PowerBI.Api (3.30.1)
      Microsoft.Rest.ClientRuntime (>= 2.3.21)
      Newtonsoft.Json (>= 11.0.2)
      System.Security.Cryptography.Cng (>= 4.7)
    Microsoft.Rest.ClientRuntime (2.3.23)
      Newtonsoft.Json (>= 10.0.3)
    Microsoft.VisualStudio.Threading (16.10.56)
      Microsoft.Bcl.AsyncInterfaces (>= 5.0)
      Microsoft.VisualStudio.Threading.Analyzers (>= 16.10.56)
      Microsoft.VisualStudio.Validation (>= 16.9.32)
      Microsoft.Win32.Registry (>= 5.0)
      System.Threading.Tasks.Extensions (>= 4.5.4)
    Microsoft.VisualStudio.Threading.Analyzers (16.10.56)
    Microsoft.VisualStudio.Validation (16.10.34)
    Microsoft.Win32.Primitives (4.3) - restriction: || (&& (== net472) (< net46)) (== net5.0)
      Microsoft.NETCore.Platforms (>= 1.1) - restriction: || (&& (== net472) (< net46)) (== net5.0)
      Microsoft.NETCore.Targets (>= 1.1) - restriction: || (&& (== net472) (< net46)) (== net5.0)
      System.Runtime (>= 4.3) - restriction: || (&& (== net472) (< net46)) (== net5.0)
    Microsoft.Win32.Registry (5.0)
      System.Security.AccessControl (>= 5.0)
      System.Security.Principal.Windows (>= 5.0)
    Moq (4.16.1)
      Castle.Core (>= 4.4)
      System.Threading.Tasks.Extensions (>= 4.5.4)
    Nerdbank.Streams (2.8.46)
      Microsoft.Bcl.AsyncInterfaces (>= 5.0)
      Microsoft.VisualStudio.Threading (>= 16.10.56)
      Microsoft.VisualStudio.Validation (>= 16.10.26)
      System.IO.Pipelines (>= 5.0.1)
      System.Net.WebSockets (>= 4.3)
      System.Runtime.CompilerServices.Unsafe (>= 5.0)
    NETStandard.Library (2.0.3)
      Microsoft.NETCore.Platforms (>= 1.1)
    Newtonsoft.Json (13.0.1)
    PeNet (1.6.1)
      PeNet.Asn1 (>= 1.3.3)
      System.Security.Cryptography.Pkcs (>= 4.7)
      Xunit.SkippableFact (>= 1.3.12)
    PeNet.Asn1 (1.3.3)
    PInvoke.Msi (0.7.104)
      PInvoke.Windows.Core (>= 0.7.104)
    PInvoke.Windows.Core (0.7.104)
      System.Memory (>= 4.5.4)
    Polly (7.2.2)
    PowerArgs (3.6)
    runtime.debian.8-x64.runtime.native.System.Security.Cryptography.OpenSsl (4.3.3) - restriction: || (&& (== net472) (< net45)) (== net5.0)
    runtime.debian.9-x64.runtime.native.System.Security.Cryptography.OpenSsl (4.3.3) - restriction: || (&& (== net472) (< net45)) (== net5.0)
    runtime.fedora.23-x64.runtime.native.System.Security.Cryptography.OpenSsl (4.3.3) - restriction: || (&& (== net472) (< net45)) (== net5.0)
    runtime.fedora.24-x64.runtime.native.System.Security.Cryptography.OpenSsl (4.3.3) - restriction: || (&& (== net472) (< net45)) (== net5.0)
    runtime.fedora.27-x64.runtime.native.System.Security.Cryptography.OpenSsl (4.3.3) - restriction: || (&& (== net472) (< net45)) (== net5.0)
    runtime.fedora.28-x64.runtime.native.System.Security.Cryptography.OpenSsl (4.3.3) - restriction: || (&& (== net472) (< net45)) (== net5.0)
    runtime.native.System (4.3.1) - restriction: || (&& (== net472) (< net45)) (== net5.0)
      Microsoft.NETCore.Platforms (>= 1.1.1)
      Microsoft.NETCore.Targets (>= 1.1.3)
    runtime.native.System.IO.Compression (4.3.2) - restriction: || (&& (== net472) (< net45)) (== net5.0)
      Microsoft.NETCore.Platforms (>= 1.1.1)
      Microsoft.NETCore.Targets (>= 1.1.3)
    runtime.native.System.Net.Http (4.3.1) - restriction: || (&& (== net472) (< net45)) (== net5.0)
      Microsoft.NETCore.Platforms (>= 1.1.1)
      Microsoft.NETCore.Targets (>= 1.1.3)
    runtime.native.System.Security.Cryptography.Apple (4.3.1) - restriction: || (&& (== net472) (< net45)) (== net5.0)
      runtime.osx.10.10-x64.runtime.native.System.Security.Cryptography.Apple (>= 4.3.1)
    runtime.native.System.Security.Cryptography.OpenSsl (4.3.3) - restriction: || (&& (== net472) (< net45)) (== net5.0)
      runtime.debian.8-x64.runtime.native.System.Security.Cryptography.OpenSsl (>= 4.3.3)
      runtime.debian.9-x64.runtime.native.System.Security.Cryptography.OpenSsl (>= 4.3.3)
      runtime.fedora.23-x64.runtime.native.System.Security.Cryptography.OpenSsl (>= 4.3.3)
      runtime.fedora.24-x64.runtime.native.System.Security.Cryptography.OpenSsl (>= 4.3.3)
      runtime.fedora.27-x64.runtime.native.System.Security.Cryptography.OpenSsl (>= 4.3.3)
      runtime.fedora.28-x64.runtime.native.System.Security.Cryptography.OpenSsl (>= 4.3.3)
      runtime.opensuse.13.2-x64.runtime.native.System.Security.Cryptography.OpenSsl (>= 4.3.3)
      runtime.opensuse.42.1-x64.runtime.native.System.Security.Cryptography.OpenSsl (>= 4.3.3)
      runtime.opensuse.42.3-x64.runtime.native.System.Security.Cryptography.OpenSsl (>= 4.3.3)
      runtime.osx.10.10-x64.runtime.native.System.Security.Cryptography.OpenSsl (>= 4.3.3)
      runtime.rhel.7-x64.runtime.native.System.Security.Cryptography.OpenSsl (>= 4.3.3)
      runtime.ubuntu.14.04-x64.runtime.native.System.Security.Cryptography.OpenSsl (>= 4.3.3)
      runtime.ubuntu.16.04-x64.runtime.native.System.Security.Cryptography.OpenSsl (>= 4.3.3)
      runtime.ubuntu.16.10-x64.runtime.native.System.Security.Cryptography.OpenSsl (>= 4.3.3)
      runtime.ubuntu.18.04-x64.runtime.native.System.Security.Cryptography.OpenSsl (>= 4.3.3)
    runtime.opensuse.13.2-x64.runtime.native.System.Security.Cryptography.OpenSsl (4.3.3) - restriction: || (&& (== net472) (< net45)) (== net5.0)
    runtime.opensuse.42.1-x64.runtime.native.System.Security.Cryptography.OpenSsl (4.3.3) - restriction: || (&& (== net472) (< net45)) (== net5.0)
    runtime.opensuse.42.3-x64.runtime.native.System.Security.Cryptography.OpenSsl (4.3.3) - restriction: || (&& (== net472) (< net45)) (== net5.0)
    runtime.osx.10.10-x64.runtime.native.System.Security.Cryptography.Apple (4.3.1) - restriction: || (&& (== net472) (< net45)) (== net5.0)
    runtime.osx.10.10-x64.runtime.native.System.Security.Cryptography.OpenSsl (4.3.3) - restriction: || (&& (== net472) (< net45)) (== net5.0)
    runtime.rhel.7-x64.runtime.native.System.Security.Cryptography.OpenSsl (4.3.3) - restriction: || (&& (== net472) (< net45)) (== net5.0)
    runtime.ubuntu.14.04-x64.runtime.native.System.Security.Cryptography.OpenSsl (4.3.3) - restriction: || (&& (== net472) (< net45)) (== net5.0)
    runtime.ubuntu.16.04-x64.runtime.native.System.Security.Cryptography.OpenSsl (4.3.3) - restriction: || (&& (== net472) (< net45)) (== net5.0)
    runtime.ubuntu.16.10-x64.runtime.native.System.Security.Cryptography.OpenSsl (4.3.3) - restriction: || (&& (== net472) (< net45)) (== net5.0)
    runtime.ubuntu.18.04-x64.runtime.native.System.Security.Cryptography.OpenSsl (4.3.3) - restriction: || (&& (== net472) (< net45)) (== net5.0)
    Serilog (2.10)
    Serilog.Sinks.Console (4.0)
      Serilog (>= 2.10)
    StreamJsonRpc (2.8.21)
      MessagePack (>= 2.2.85)
      Microsoft.Bcl.AsyncInterfaces (>= 5.0)
      Microsoft.VisualStudio.Threading (>= 16.9.60)
      Nerdbank.Streams (>= 2.6.81)
      Newtonsoft.Json (>= 12.0.2)
      System.Collections.Immutable (>= 5.0)
      System.Diagnostics.DiagnosticSource (>= 5.0.1)
      System.IO.Pipelines (>= 5.0.1)
      System.Memory (>= 4.5.4)
      System.Net.Http (>= 4.3.4)
      System.Net.WebSockets (>= 4.3)
      System.Reflection.Emit (>= 4.7)
      System.Threading.Tasks.Dataflow (>= 5.0)
      System.Threading.Tasks.Extensions (>= 4.5.4)
    System.Buffers (4.5.1)
    System.Collections (4.3) - restriction: || (&& (== net472) (< net45)) (== net5.0)
      Microsoft.NETCore.Platforms (>= 1.1) - restriction: || (&& (== net472) (< net45)) (== net5.0)
      Microsoft.NETCore.Targets (>= 1.1) - restriction: || (&& (== net472) (< net45)) (== net5.0)
      System.Runtime (>= 4.3) - restriction: || (&& (== net472) (< net45)) (== net5.0)
    System.Collections.Concurrent (4.3) - restriction: || (&& (== net472) (< net45)) (== net5.0)
      System.Collections (>= 4.3) - restriction: || (&& (== net472) (< net45)) (== net5.0)
      System.Diagnostics.Debug (>= 4.3) - restriction: || (&& (== net472) (< net45)) (== net5.0)
      System.Diagnostics.Tracing (>= 4.3) - restriction: || (&& (== net472) (< net45)) (== net5.0)
      System.Globalization (>= 4.3) - restriction: || (&& (== net472) (< net45)) (== net5.0)
      System.Reflection (>= 4.3) - restriction: || (&& (== net472) (< net45)) (== net5.0)
      System.Resources.ResourceManager (>= 4.3) - restriction: || (&& (== net472) (< net45)) (== net5.0)
      System.Runtime (>= 4.3) - restriction: || (&& (== net472) (< net45)) (== net5.0)
      System.Runtime.Extensions (>= 4.3) - restriction: || (&& (== net472) (< net45)) (== net5.0)
      System.Threading (>= 4.3) - restriction: || (&& (== net472) (< net45)) (== net5.0)
      System.Threading.Tasks (>= 4.3) - restriction: || (&& (== net472) (< net45)) (== net5.0)
    System.Collections.Immutable (5.0)
      System.Memory (>= 4.5.4) - restriction: || (== net472) (&& (== net5.0) (>= net461)) (&& (== net5.0) (< netcoreapp2.1)) (&& (== net5.0) (< netstandard2.0)) (&& (== net5.0) (>= uap10.1))
    System.Collections.NonGeneric (4.3) - restriction: || (&& (== net472) (< net35)) (== net5.0)
      System.Diagnostics.Debug (>= 4.3) - restriction: || (&& (== net472) (< net46)) (== net5.0)
      System.Globalization (>= 4.3) - restriction: || (&& (== net472) (< net46)) (== net5.0)
      System.Resources.ResourceManager (>= 4.3) - restriction: || (&& (== net472) (< net46)) (== net5.0)
      System.Runtime (>= 4.3) - restriction: || (&& (== net472) (< net46)) (== net5.0)
      System.Runtime.Extensions (>= 4.3) - restriction: || (&& (== net472) (< net46)) (== net5.0)
      System.Threading (>= 4.3) - restriction: || (&& (== net472) (< net46)) (== net5.0)
    System.Collections.Specialized (4.3) - restriction: || (&& (== net472) (< net35)) (== net5.0)
      System.Collections.NonGeneric (>= 4.3) - restriction: || (&& (== net472) (< net46)) (== net5.0)
      System.Globalization (>= 4.3) - restriction: || (&& (== net472) (< net46)) (== net5.0)
      System.Globalization.Extensions (>= 4.3) - restriction: || (&& (== net472) (< net46)) (== net5.0)
      System.Resources.ResourceManager (>= 4.3) - restriction: || (&& (== net472) (< net46)) (== net5.0)
      System.Runtime (>= 4.3) - restriction: || (&& (== net472) (< net46)) (== net5.0)
      System.Runtime.Extensions (>= 4.3) - restriction: || (&& (== net472) (< net46)) (== net5.0)
      System.Threading (>= 4.3) - restriction: || (&& (== net472) (< net46)) (== net5.0)
    System.ComponentModel (4.3) - restriction: || (&& (== net472) (< net35)) (== net5.0)
      System.Runtime (>= 4.3) - restriction: || (&& (== net472) (< net45)) (== net5.0)
    System.ComponentModel.Primitives (4.3) - restriction: || (&& (== net472) (< net35)) (&& (== net472) (< netstandard1.0) (>= win8)) (&& (== net472) (>= wp8)) (&& (== net472) (>= wpa81)) (== net5.0)
      System.ComponentModel (>= 4.3) - restriction: || (&& (== net472) (< net45)) (== net5.0)
      System.Resources.ResourceManager (>= 4.3) - restriction: || (&& (== net472) (< net45)) (== net5.0)
      System.Runtime (>= 4.3) - restriction: || (&& (== net472) (< net45)) (== net5.0)
    System.ComponentModel.TypeConverter (4.3) - restriction: || (&& (== net472) (< net35)) (== net5.0)
      System.Collections (>= 4.3) - restriction: || (&& (== net472) (< net45)) (== net5.0)
      System.Collections.NonGeneric (>= 4.3)
      System.Collections.Specialized (>= 4.3) - restriction: || (&& (== net472) (< net45)) (== net5.0)
      System.ComponentModel (>= 4.3) - restriction: || (&& (== net472) (< net45)) (== net5.0)
      System.ComponentModel.Primitives (>= 4.3)
      System.Globalization (>= 4.3) - restriction: || (&& (== net472) (< net45)) (== net5.0)
      System.Linq (>= 4.3) - restriction: || (&& (== net472) (< net45)) (== net5.0)
      System.Reflection (>= 4.3) - restriction: || (&& (== net472) (< net45)) (== net5.0)
      System.Reflection.Extensions (>= 4.3) - restriction: || (&& (== net472) (< net45)) (== net5.0)
      System.Reflection.Primitives (>= 4.3) - restriction: || (&& (== net472) (< net45)) (== net5.0)
      System.Reflection.TypeExtensions (>= 4.3) - restriction: || (&& (== net472) (< net45)) (== net5.0)
      System.Resources.ResourceManager (>= 4.3) - restriction: || (&& (== net472) (< net45)) (== net5.0)
      System.Runtime (>= 4.3) - restriction: || (&& (== net472) (< net45)) (== net5.0)
      System.Runtime.Extensions (>= 4.3) - restriction: || (&& (== net472) (< net45)) (== net5.0)
      System.Threading (>= 4.3) - restriction: || (&& (== net472) (< net45)) (== net5.0)
    System.Diagnostics.Debug (4.3) - restriction: || (&& (== net472) (< net45)) (== net5.0)
      Microsoft.NETCore.Platforms (>= 1.1) - restriction: || (&& (== net472) (< net45)) (== net5.0)
      Microsoft.NETCore.Targets (>= 1.1) - restriction: || (&& (== net472) (< net45)) (== net5.0)
      System.Runtime (>= 4.3) - restriction: || (&& (== net472) (< net45)) (== net5.0)
    System.Diagnostics.DiagnosticSource (5.0.1)
      System.Memory (>= 4.5.4) - restriction: || (== net472) (&& (== net5.0) (>= net45) (< netstandard1.3)) (&& (== net5.0) (>= net46)) (&& (== net5.0) (< netcoreapp2.1)) (&& (== net5.0) (< netstandard2.0)) (&& (== net5.0) (>= uap10.1))
      System.Runtime.CompilerServices.Unsafe (>= 5.0) - restriction: || (== net472) (&& (== net5.0) (>= monoandroid) (< netstandard1.1)) (&& (== net5.0) (>= monotouch)) (&& (== net5.0) (>= net45) (< netstandard1.3)) (&& (== net5.0) (>= net46)) (&& (== net5.0) (< netcoreapp2.1)) (&& (== net5.0) (< netcoreapp3.0)) (&& (== net5.0) (< netstandard2.0)) (&& (== net5.0) (>= uap10.1))
    System.Diagnostics.TraceSource (4.3) - restriction: || (&& (== net472) (< net35)) (== net5.0)
      Microsoft.NETCore.Platforms (>= 1.1) - restriction: || (&& (== net472) (< net46)) (== net5.0)
      runtime.native.System (>= 4.3) - restriction: || (&& (== net472) (< net46)) (== net5.0)
      System.Collections (>= 4.3) - restriction: || (&& (== net472) (< net46)) (== net5.0)
      System.Diagnostics.Debug (>= 4.3) - restriction: || (&& (== net472) (< net46)) (== net5.0)
      System.Globalization (>= 4.3) - restriction: || (&& (== net472) (< net46)) (== net5.0)
      System.Resources.ResourceManager (>= 4.3) - restriction: || (&& (== net472) (< net46)) (== net5.0)
      System.Runtime (>= 4.3) - restriction: || (&& (== net472) (< net46)) (== net5.0)
      System.Runtime.Extensions (>= 4.3) - restriction: || (&& (== net472) (< net46)) (== net5.0)
      System.Threading (>= 4.3) - restriction: || (&& (== net472) (< net46)) (== net5.0)
    System.Diagnostics.Tracing (4.3) - restriction: || (&& (== net472) (< net45)) (== net5.0)
      Microsoft.NETCore.Platforms (>= 1.1) - restriction: || (&& (== net472) (< net45)) (== net5.0)
      Microsoft.NETCore.Targets (>= 1.1) - restriction: || (&& (== net472) (< net45)) (== net5.0)
      System.Runtime (>= 4.3) - restriction: || (&& (== net472) (< net45)) (== net5.0)
    System.Dynamic.Runtime (4.3) - restriction: || (&& (== net472) (< net35)) (== net5.0)
      System.Collections (>= 4.3) - restriction: || (&& (== net472) (< net45)) (== net5.0)
      System.Diagnostics.Debug (>= 4.3) - restriction: || (&& (== net472) (< net45)) (== net5.0)
      System.Linq (>= 4.3) - restriction: || (&& (== net472) (< net45)) (== net5.0)
      System.Linq.Expressions (>= 4.3) - restriction: || (&& (== net472) (< net45)) (== net5.0)
      System.ObjectModel (>= 4.3) - restriction: || (&& (== net472) (< net45)) (== net5.0)
      System.Reflection (>= 4.3) - restriction: || (&& (== net472) (< net45)) (== net5.0)
      System.Reflection.Emit (>= 4.3) - restriction: || (&& (== net472) (< net45)) (== net5.0)
      System.Reflection.Emit.ILGeneration (>= 4.3) - restriction: || (&& (== net472) (< net45)) (== net5.0)
      System.Reflection.Primitives (>= 4.3) - restriction: || (&& (== net472) (< net45)) (== net5.0)
      System.Reflection.TypeExtensions (>= 4.3) - restriction: || (&& (== net472) (< net45)) (== net5.0)
      System.Resources.ResourceManager (>= 4.3) - restriction: || (&& (== net472) (< net45)) (== net5.0)
      System.Runtime (>= 4.3) - restriction: || (&& (== net472) (< net45)) (== net5.0)
      System.Runtime.Extensions (>= 4.3) - restriction: || (&& (== net472) (< net45)) (== net5.0)
      System.Threading (>= 4.3) - restriction: || (&& (== net472) (< net45)) (== net5.0)
    System.Globalization (4.3) - restriction: || (&& (== net472) (< net45)) (== net5.0)
      Microsoft.NETCore.Platforms (>= 1.1) - restriction: || (&& (== net472) (< net45)) (== net5.0)
      Microsoft.NETCore.Targets (>= 1.1) - restriction: || (&& (== net472) (< net45)) (== net5.0)
      System.Runtime (>= 4.3) - restriction: || (&& (== net472) (< net45)) (== net5.0)
    System.Globalization.Calendars (4.3) - restriction: || (&& (== net472) (< net46)) (== net5.0)
      Microsoft.NETCore.Platforms (>= 1.1) - restriction: || (&& (== net472) (< net46)) (== net5.0)
      Microsoft.NETCore.Targets (>= 1.1) - restriction: || (&& (== net472) (< net46)) (== net5.0)
      System.Globalization (>= 4.3) - restriction: || (&& (== net472) (< net46)) (== net5.0)
      System.Runtime (>= 4.3) - restriction: || (&& (== net472) (< net46)) (== net5.0)
    System.Globalization.Extensions (4.3) - restriction: || (&& (== net472) (< net45)) (== net5.0)
      Microsoft.NETCore.Platforms (>= 1.1) - restriction: || (&& (== net472) (< net46)) (== net5.0)
      System.Globalization (>= 4.3) - restriction: || (&& (== net472) (< net46)) (== net5.0)
      System.Resources.ResourceManager (>= 4.3) - restriction: || (&& (== net472) (< net46)) (== net5.0)
      System.Runtime (>= 4.3) - restriction: || (&& (== net472) (< net46)) (== net5.0)
      System.Runtime.Extensions (>= 4.3) - restriction: || (&& (== net472) (< net46)) (== net5.0)
      System.Runtime.InteropServices (>= 4.3) - restriction: || (&& (== net472) (< net46)) (== net5.0)
    System.IO (4.3) - restriction: || (&& (== net472) (< net45)) (== net5.0)
      Microsoft.NETCore.Platforms (>= 1.1) - restriction: || (&& (== net472) (< net45)) (== net5.0)
      Microsoft.NETCore.Targets (>= 1.1) - restriction: || (&& (== net472) (< net45)) (== net5.0)
      System.Runtime (>= 4.3) - restriction: || (&& (== net472) (< net45)) (== net5.0)
      System.Text.Encoding (>= 4.3) - restriction: || (&& (== net472) (< net45)) (== net5.0)
      System.Threading.Tasks (>= 4.3) - restriction: || (&& (== net472) (< net45)) (== net5.0)
    System.IO.Compression (4.3)
      Microsoft.NETCore.Platforms (>= 1.1) - restriction: || (&& (== net472) (< net45)) (== net5.0)
      runtime.native.System (>= 4.3) - restriction: || (&& (== net472) (< net45)) (== net5.0)
      runtime.native.System.IO.Compression (>= 4.3) - restriction: || (&& (== net472) (< net45)) (== net5.0)
      System.Buffers (>= 4.3) - restriction: || (&& (== net472) (< net45)) (== net5.0)
      System.Collections (>= 4.3) - restriction: || (&& (== net472) (< net45)) (== net5.0)
      System.Diagnostics.Debug (>= 4.3) - restriction: || (&& (== net472) (< net45)) (== net5.0)
      System.IO (>= 4.3) - restriction: || (&& (== net472) (< net45)) (== net5.0)
      System.Resources.ResourceManager (>= 4.3) - restriction: || (&& (== net472) (< net45)) (== net5.0)
      System.Runtime (>= 4.3) - restriction: || (&& (== net472) (< net45)) (== net5.0)
      System.Runtime.Extensions (>= 4.3) - restriction: || (&& (== net472) (< net45)) (== net5.0)
      System.Runtime.Handles (>= 4.3) - restriction: || (&& (== net472) (< net45)) (== net5.0)
      System.Runtime.InteropServices (>= 4.3) - restriction: || (&& (== net472) (< net45)) (== net5.0)
      System.Text.Encoding (>= 4.3) - restriction: || (&& (== net472) (< net45)) (== net5.0)
      System.Threading (>= 4.3) - restriction: || (&& (== net472) (< net45)) (== net5.0)
      System.Threading.Tasks (>= 4.3) - restriction: || (&& (== net472) (< net45)) (== net5.0)
    System.IO.FileSystem (4.3) - restriction: || (&& (== net472) (< net45)) (== net5.0)
      Microsoft.NETCore.Platforms (>= 1.1) - restriction: || (&& (== net472) (< net46)) (== net5.0)
      Microsoft.NETCore.Targets (>= 1.1) - restriction: || (&& (== net472) (< net46)) (== net5.0)
      System.IO (>= 4.3) - restriction: || (&& (== net472) (< net46)) (== net5.0)
      System.IO.FileSystem.Primitives (>= 4.3)
      System.Runtime (>= 4.3) - restriction: || (&& (== net472) (< net46)) (== net5.0)
      System.Runtime.Handles (>= 4.3) - restriction: || (&& (== net472) (< net46)) (== net5.0)
      System.Text.Encoding (>= 4.3) - restriction: || (&& (== net472) (< net46)) (== net5.0)
      System.Threading.Tasks (>= 4.3) - restriction: || (&& (== net472) (< net46)) (== net5.0)
    System.IO.FileSystem.Primitives (4.3)
    System.IO.Packaging (5.0)
      System.IO.FileSystem.Primitives (>= 4.3) - restriction: || (== net472) (&& (== net5.0) (>= net46)) (&& (== net5.0) (< netstandard2.0))
    System.IO.Pipelines (5.0.1)
      System.Buffers (>= 4.5.1) - restriction: || (== net472) (&& (== net5.0) (>= monoandroid) (< netstandard1.3)) (&& (== net5.0) (>= monotouch)) (&& (== net5.0) (>= net461)) (&& (== net5.0) (< netcoreapp2.0)) (&& (== net5.0) (< netstandard2.0)) (&& (== net5.0) (>= xamarinios)) (&& (== net5.0) (>= xamarinmac)) (&& (== net5.0) (>= xamarintvos)) (&& (== net5.0) (>= xamarinwatchos))
      System.Memory (>= 4.5.4) - restriction: || (== net472) (&& (== net5.0) (>= net461)) (&& (== net5.0) (< netcoreapp2.0)) (&& (== net5.0) (< netcoreapp2.1)) (&& (== net5.0) (< netstandard2.0)) (&& (== net5.0) (>= uap10.1))
      System.Threading.Tasks.Extensions (>= 4.5.4) - restriction: || (== net472) (&& (== net5.0) (>= net461)) (&& (== net5.0) (< netcoreapp2.0)) (&& (== net5.0) (< netcoreapp2.1)) (&& (== net5.0) (< netstandard2.0)) (&& (== net5.0) (>= uap10.1))
    System.Linq (4.3) - restriction: || (&& (== net472) (< net35)) (== net5.0)
      System.Collections (>= 4.3) - restriction: || (&& (== net472) (< net45)) (== net5.0)
      System.Diagnostics.Debug (>= 4.3) - restriction: || (&& (== net472) (< net45)) (== net5.0)
      System.Resources.ResourceManager (>= 4.3) - restriction: || (&& (== net472) (< net45)) (== net5.0)
      System.Runtime (>= 4.3) - restriction: || (&& (== net472) (< net45)) (== net5.0)
      System.Runtime.Extensions (>= 4.3) - restriction: || (&& (== net472) (< net45)) (== net5.0)
    System.Linq.Expressions (4.3) - restriction: || (&& (== net472) (< net35)) (== net5.0)
      System.Collections (>= 4.3) - restriction: || (&& (== net472) (< net45)) (== net5.0)
      System.Diagnostics.Debug (>= 4.3) - restriction: || (&& (== net472) (< net45)) (== net5.0)
      System.Globalization (>= 4.3) - restriction: || (&& (== net472) (< net45)) (== net5.0)
      System.IO (>= 4.3) - restriction: || (&& (== net472) (< net45)) (== net5.0)
      System.Linq (>= 4.3) - restriction: || (&& (== net472) (< net45)) (== net5.0)
      System.ObjectModel (>= 4.3) - restriction: || (&& (== net472) (< net45)) (== net5.0)
      System.Reflection (>= 4.3) - restriction: || (&& (== net472) (< net45)) (== net5.0)
      System.Reflection.Emit (>= 4.3) - restriction: || (&& (== net472) (< net45)) (== net5.0)
      System.Reflection.Emit.ILGeneration (>= 4.3) - restriction: || (&& (== net472) (< net45)) (== net5.0)
      System.Reflection.Emit.Lightweight (>= 4.3) - restriction: || (&& (== net472) (< net45)) (== net5.0)
      System.Reflection.Extensions (>= 4.3) - restriction: || (&& (== net472) (< net45)) (== net5.0)
      System.Reflection.Primitives (>= 4.3) - restriction: || (&& (== net472) (< net45)) (== net5.0)
      System.Reflection.TypeExtensions (>= 4.3) - restriction: || (&& (== net472) (< net45)) (== net5.0)
      System.Resources.ResourceManager (>= 4.3) - restriction: || (&& (== net472) (< net45)) (== net5.0)
      System.Runtime (>= 4.3) - restriction: || (&& (== net472) (< net45)) (== net5.0)
      System.Runtime.Extensions (>= 4.3) - restriction: || (&& (== net472) (< net45)) (== net5.0)
      System.Threading (>= 4.3) - restriction: || (&& (== net472) (< net45)) (== net5.0)
    System.Memory (4.5.4)
      System.Buffers (>= 4.5.1) - restriction: || (== net472) (&& (== net5.0) (>= monotouch)) (&& (== net5.0) (>= net461)) (&& (== net5.0) (< netcoreapp2.0)) (&& (== net5.0) (< netstandard1.1)) (&& (== net5.0) (< netstandard2.0)) (&& (== net5.0) (>= xamarinios)) (&& (== net5.0) (>= xamarinmac)) (&& (== net5.0) (>= xamarintvos)) (&& (== net5.0) (>= xamarinwatchos))
      System.Numerics.Vectors (>= 4.5) - restriction: || (== net472) (&& (== net5.0) (>= net461))
      System.Runtime.CompilerServices.Unsafe (>= 4.5.3) - restriction: || (== net472) (&& (== net5.0) (>= monotouch)) (&& (== net5.0) (>= net461)) (&& (== net5.0) (< netcoreapp2.0)) (&& (== net5.0) (< netcoreapp2.1)) (&& (== net5.0) (< netstandard1.1)) (&& (== net5.0) (< netstandard2.0)) (&& (== net5.0) (>= uap10.1)) (&& (== net5.0) (>= xamarinios)) (&& (== net5.0) (>= xamarinmac)) (&& (== net5.0) (>= xamarintvos)) (&& (== net5.0) (>= xamarinwatchos))
    System.Net.Http (4.3.4)
      Microsoft.NETCore.Platforms (>= 1.1.1) - restriction: || (&& (== net472) (< net45)) (== net5.0)
      runtime.native.System (>= 4.3) - restriction: || (&& (== net472) (< net45)) (== net5.0)
      runtime.native.System.Net.Http (>= 4.3) - restriction: || (&& (== net472) (< net45)) (== net5.0)
      runtime.native.System.Security.Cryptography.OpenSsl (>= 4.3.2) - restriction: || (&& (== net472) (< net45)) (== net5.0)
      System.Collections (>= 4.3) - restriction: || (&& (== net472) (< net45)) (== net5.0)
      System.Diagnostics.Debug (>= 4.3) - restriction: || (&& (== net472) (< net45)) (== net5.0)
      System.Diagnostics.DiagnosticSource (>= 4.3) - restriction: || (&& (== net472) (< net45)) (== net5.0)
      System.Diagnostics.Tracing (>= 4.3) - restriction: || (&& (== net472) (< net45)) (== net5.0)
      System.Globalization (>= 4.3) - restriction: || (&& (== net472) (< net45)) (== net5.0)
      System.Globalization.Extensions (>= 4.3) - restriction: || (&& (== net472) (< net45)) (== net5.0)
      System.IO (>= 4.3) - restriction: || (&& (== net472) (< net45)) (== net5.0)
      System.IO.FileSystem (>= 4.3) - restriction: || (&& (== net472) (< net45)) (== net5.0)
      System.Net.Primitives (>= 4.3) - restriction: || (&& (== net472) (< net45)) (== net5.0)
      System.Resources.ResourceManager (>= 4.3) - restriction: || (&& (== net472) (< net45)) (== net5.0)
      System.Runtime (>= 4.3) - restriction: || (&& (== net472) (< net45)) (== net5.0)
      System.Runtime.Extensions (>= 4.3) - restriction: || (&& (== net472) (< net45)) (== net5.0)
      System.Runtime.Handles (>= 4.3) - restriction: || (&& (== net472) (< net45)) (== net5.0)
      System.Runtime.InteropServices (>= 4.3) - restriction: || (&& (== net472) (< net45)) (== net5.0)
      System.Security.Cryptography.Algorithms (>= 4.3) - restriction: || (&& (== net472) (< net45)) (== net5.0)
      System.Security.Cryptography.Encoding (>= 4.3) - restriction: || (&& (== net472) (< net45)) (== net5.0)
      System.Security.Cryptography.OpenSsl (>= 4.3) - restriction: || (&& (== net472) (< net45)) (== net5.0)
      System.Security.Cryptography.Primitives (>= 4.3) - restriction: || (&& (== net472) (< net45)) (== net5.0)
      System.Security.Cryptography.X509Certificates (>= 4.3)
      System.Text.Encoding (>= 4.3) - restriction: || (&& (== net472) (< net45)) (== net5.0)
      System.Threading (>= 4.3) - restriction: || (&& (== net472) (< net45)) (== net5.0)
      System.Threading.Tasks (>= 4.3) - restriction: || (&& (== net472) (< net45)) (== net5.0)
    System.Net.Primitives (4.3.1) - restriction: || (&& (== net472) (< net45)) (== net5.0)
      Microsoft.NETCore.Platforms (>= 1.1.1) - restriction: || (&& (== net472) (< net45)) (&& (== net472) (< netstandard1.1)) (== net5.0)
      Microsoft.NETCore.Targets (>= 1.1.3) - restriction: || (&& (== net472) (< net45)) (&& (== net472) (< netstandard1.1)) (== net5.0)
      System.Runtime (>= 4.3.1) - restriction: || (&& (== net472) (< net45)) (&& (== net472) (< netstandard1.1)) (== net5.0)
      System.Runtime.Handles (>= 4.3) - restriction: || (&& (== net472) (< net45)) (== net5.0)
    System.Net.WebSockets (4.3)
      Microsoft.Win32.Primitives (>= 4.3) - restriction: || (&& (== net472) (< net46)) (== net5.0)
      System.Resources.ResourceManager (>= 4.3) - restriction: || (&& (== net472) (< net46)) (== net5.0)
      System.Runtime (>= 4.3) - restriction: || (&& (== net472) (< net46)) (== net5.0)
      System.Threading.Tasks (>= 4.3) - restriction: || (&& (== net472) (< net46)) (== net5.0)
    System.Numerics.Vectors (4.5) - restriction: || (== net472) (&& (== net5.0) (>= net461)) (&& (== net5.0) (>= net47))
    System.ObjectModel (4.3) - restriction: || (&& (== net472) (< net35)) (== net5.0)
      System.Collections (>= 4.3) - restriction: || (&& (== net472) (< net45)) (== net5.0)
      System.Diagnostics.Debug (>= 4.3) - restriction: || (&& (== net472) (< net45)) (== net5.0)
      System.Resources.ResourceManager (>= 4.3) - restriction: || (&& (== net472) (< net45)) (== net5.0)
      System.Runtime (>= 4.3) - restriction: || (&& (== net472) (< net45)) (== net5.0)
      System.Threading (>= 4.3) - restriction: || (&& (== net472) (< net45)) (== net5.0)
    System.Reflection (4.3) - restriction: || (&& (== net472) (< net35)) (== net5.0)
      Microsoft.NETCore.Platforms (>= 1.1) - restriction: || (&& (== net472) (< net45)) (== net5.0)
      Microsoft.NETCore.Targets (>= 1.1) - restriction: || (&& (== net472) (< net45)) (== net5.0)
      System.IO (>= 4.3) - restriction: || (&& (== net472) (< net45)) (== net5.0)
      System.Reflection.Primitives (>= 4.3) - restriction: || (&& (== net472) (< net45)) (== net5.0)
      System.Runtime (>= 4.3) - restriction: || (&& (== net472) (< net45)) (== net5.0)
    System.Reflection.Emit (4.7)
    System.Reflection.Emit.ILGeneration (4.7) - restriction: || (&& (== net472) (< net35)) (== net5.0)
    System.Reflection.Emit.Lightweight (4.7)
    System.Reflection.Extensions (4.3) - restriction: || (&& (== net472) (< net35)) (== net5.0)
      Microsoft.NETCore.Platforms (>= 1.1) - restriction: || (&& (== net472) (< net45)) (== net5.0)
      Microsoft.NETCore.Targets (>= 1.1) - restriction: || (&& (== net472) (< net45)) (== net5.0)
      System.Reflection (>= 4.3) - restriction: || (&& (== net472) (< net45)) (== net5.0)
      System.Runtime (>= 4.3) - restriction: || (&& (== net472) (< net45)) (== net5.0)
    System.Reflection.Primitives (4.3) - restriction: || (&& (== net472) (< net35)) (== net5.0)
      Microsoft.NETCore.Platforms (>= 1.1) - restriction: || (&& (== net472) (< net45)) (== net5.0)
      Microsoft.NETCore.Targets (>= 1.1) - restriction: || (&& (== net472) (< net45)) (== net5.0)
      System.Runtime (>= 4.3) - restriction: || (&& (== net472) (< net45)) (== net5.0)
    System.Reflection.TypeExtensions (4.7) - restriction: || (&& (== net472) (< net35)) (== net5.0)
    System.Resources.ResourceManager (4.3) - restriction: || (&& (== net472) (< net45)) (== net5.0)
      Microsoft.NETCore.Platforms (>= 1.1) - restriction: || (&& (== net472) (< net45)) (== net5.0)
      Microsoft.NETCore.Targets (>= 1.1) - restriction: || (&& (== net472) (< net45)) (== net5.0)
      System.Globalization (>= 4.3) - restriction: || (&& (== net472) (< net45)) (== net5.0)
      System.Reflection (>= 4.3) - restriction: || (&& (== net472) (< net45)) (== net5.0)
      System.Runtime (>= 4.3) - restriction: || (&& (== net472) (< net45)) (== net5.0)
    System.Runtime (4.3.1) - restriction: || (&& (== net472) (< net45)) (== net5.0)
      Microsoft.NETCore.Platforms (>= 1.1.1) - restriction: || (&& (== net472) (< net45)) (== net5.0)
      Microsoft.NETCore.Targets (>= 1.1.3) - restriction: || (&& (== net472) (< net45)) (== net5.0)
    System.Runtime.CompilerServices.Unsafe (5.0)
    System.Runtime.Extensions (4.3.1) - restriction: || (&& (== net472) (< net45)) (== net5.0)
      Microsoft.NETCore.Platforms (>= 1.1.1) - restriction: || (&& (== net472) (< net45)) (== net5.0)
      Microsoft.NETCore.Targets (>= 1.1.3) - restriction: || (&& (== net472) (< net45)) (== net5.0)
      System.Runtime (>= 4.3.1) - restriction: || (&& (== net472) (< net45)) (== net5.0)
    System.Runtime.Handles (4.3) - restriction: || (&& (== net472) (< net45)) (== net5.0)
      Microsoft.NETCore.Platforms (>= 1.1) - restriction: || (&& (== net472) (< net46)) (== net5.0)
      Microsoft.NETCore.Targets (>= 1.1) - restriction: || (&& (== net472) (< net46)) (== net5.0)
      System.Runtime (>= 4.3) - restriction: || (&& (== net472) (< net46)) (== net5.0)
    System.Runtime.InteropServices (4.3) - restriction: || (&& (== net472) (< net45)) (== net5.0)
      Microsoft.NETCore.Platforms (>= 1.1) - restriction: || (&& (== net472) (< net45)) (&& (== net472) (>= netcoreapp1.1)) (== net5.0)
      Microsoft.NETCore.Targets (>= 1.1) - restriction: || (&& (== net472) (< net45)) (&& (== net472) (>= netcoreapp1.1)) (== net5.0)
      System.Reflection (>= 4.3) - restriction: || (&& (== net472) (< net45)) (&& (== net472) (>= netcoreapp1.1)) (== net5.0)
      System.Reflection.Primitives (>= 4.3) - restriction: || (&& (== net472) (< net45)) (&& (== net472) (>= netcoreapp1.1)) (== net5.0)
      System.Runtime (>= 4.3)
      System.Runtime.Handles (>= 4.3) - restriction: || (&& (== net472) (< net45)) (&& (== net472) (>= netcoreapp1.1)) (== net5.0)
    System.Runtime.Numerics (4.3) - restriction: || (&& (== net472) (< net45)) (== net5.0)
      System.Globalization (>= 4.3) - restriction: || (&& (== net472) (< net45)) (== net5.0)
      System.Resources.ResourceManager (>= 4.3) - restriction: || (&& (== net472) (< net45)) (== net5.0)
      System.Runtime (>= 4.3) - restriction: || (&& (== net472) (< net45)) (== net5.0)
      System.Runtime.Extensions (>= 4.3) - restriction: || (&& (== net472) (< net45)) (== net5.0)
    System.Security.AccessControl (5.0)
      Microsoft.NETCore.Platforms (>= 5.0) - restriction: || (&& (== net472) (>= netcoreapp2.0)) (== net5.0)
      System.Security.Principal.Windows (>= 5.0)
    System.Security.Cryptography.Algorithms (4.3.1)
      Microsoft.NETCore.Platforms (>= 1.1) - restriction: || (&& (== net472) (< net46)) (== net5.0)
      runtime.native.System.Security.Cryptography.Apple (>= 4.3.1) - restriction: || (&& (== net472) (< net46)) (== net5.0)
      runtime.native.System.Security.Cryptography.OpenSsl (>= 4.3.2) - restriction: || (&& (== net472) (< net46)) (== net5.0)
      System.Collections (>= 4.3) - restriction: || (&& (== net472) (< net46)) (== net5.0)
      System.IO (>= 4.3)
      System.Resources.ResourceManager (>= 4.3) - restriction: || (&& (== net472) (< net46)) (== net5.0)
      System.Runtime (>= 4.3)
      System.Runtime.Extensions (>= 4.3) - restriction: || (&& (== net472) (< net46)) (== net5.0)
      System.Runtime.Handles (>= 4.3) - restriction: || (&& (== net472) (< net46)) (== net5.0)
      System.Runtime.InteropServices (>= 4.3) - restriction: || (&& (== net472) (< net46)) (== net5.0)
      System.Runtime.Numerics (>= 4.3) - restriction: || (&& (== net472) (< net46)) (== net5.0)
      System.Security.Cryptography.Encoding (>= 4.3)
      System.Security.Cryptography.Primitives (>= 4.3)
      System.Text.Encoding (>= 4.3) - restriction: || (&& (== net472) (< net46)) (== net5.0)
    System.Security.Cryptography.Cng (4.7)
    System.Security.Cryptography.Csp (4.3) - restriction: || (&& (== net472) (< net46)) (== net5.0)
      Microsoft.NETCore.Platforms (>= 1.1) - restriction: || (&& (== net472) (< net46)) (== net5.0)
      System.IO (>= 4.3) - restriction: || (&& (== net472) (< net46)) (== net5.0)
      System.Reflection (>= 4.3) - restriction: || (&& (== net472) (< net46)) (== net5.0)
      System.Resources.ResourceManager (>= 4.3) - restriction: || (&& (== net472) (< net46)) (== net5.0)
      System.Runtime (>= 4.3) - restriction: || (&& (== net472) (< net46)) (== net5.0)
      System.Runtime.Extensions (>= 4.3) - restriction: || (&& (== net472) (< net46)) (== net5.0)
      System.Runtime.Handles (>= 4.3) - restriction: || (&& (== net472) (< net46)) (== net5.0)
      System.Runtime.InteropServices (>= 4.3) - restriction: || (&& (== net472) (< net46)) (== net5.0)
      System.Security.Cryptography.Algorithms (>= 4.3)
      System.Security.Cryptography.Encoding (>= 4.3) - restriction: || (&& (== net472) (< net46)) (== net5.0)
      System.Security.Cryptography.Primitives (>= 4.3)
      System.Text.Encoding (>= 4.3) - restriction: || (&& (== net472) (< net46)) (== net5.0)
      System.Threading (>= 4.3) - restriction: || (&& (== net472) (< net46)) (== net5.0)
    System.Security.Cryptography.Encoding (4.3)
      Microsoft.NETCore.Platforms (>= 1.1) - restriction: || (&& (== net472) (< net46)) (== net5.0)
      runtime.native.System.Security.Cryptography.OpenSsl (>= 4.3) - restriction: || (&& (== net472) (< net46)) (== net5.0)
      System.Collections (>= 4.3) - restriction: || (&& (== net472) (< net46)) (== net5.0)
      System.Collections.Concurrent (>= 4.3) - restriction: || (&& (== net472) (< net46)) (== net5.0)
      System.Linq (>= 4.3) - restriction: || (&& (== net472) (< net46)) (== net5.0)
      System.Resources.ResourceManager (>= 4.3) - restriction: || (&& (== net472) (< net46)) (== net5.0)
      System.Runtime (>= 4.3) - restriction: || (&& (== net472) (< net46)) (== net5.0)
      System.Runtime.Extensions (>= 4.3) - restriction: || (&& (== net472) (< net46)) (== net5.0)
      System.Runtime.Handles (>= 4.3) - restriction: || (&& (== net472) (< net46)) (== net5.0)
      System.Runtime.InteropServices (>= 4.3) - restriction: || (&& (== net472) (< net46)) (== net5.0)
      System.Security.Cryptography.Primitives (>= 4.3) - restriction: || (&& (== net472) (< net46)) (== net5.0)
      System.Text.Encoding (>= 4.3) - restriction: || (&& (== net472) (< net46)) (== net5.0)
    System.Security.Cryptography.OpenSsl (4.7) - restriction: || (&& (== net472) (< net45)) (== net5.0)
    System.Security.Cryptography.Pkcs (4.7)
      System.Security.Cryptography.Cng (>= 4.7) - restriction: || (&& (== net472) (< net46)) (&& (== net472) (>= netcoreapp2.0)) (&& (== net472) (>= netcoreapp2.1)) (&& (== net472) (>= netcoreapp3.0)) (&& (== net472) (>= netstandard2.1)) (== net5.0)
    System.Security.Cryptography.Primitives (4.3) - restriction: || (&& (== net472) (< net45)) (== net5.0)
      System.Diagnostics.Debug (>= 4.3) - restriction: || (&& (== net472) (< net46)) (== net5.0)
      System.Globalization (>= 4.3) - restriction: || (&& (== net472) (< net46)) (== net5.0)
      System.IO (>= 4.3) - restriction: || (&& (== net472) (< net46)) (== net5.0)
      System.Resources.ResourceManager (>= 4.3) - restriction: || (&& (== net472) (< net46)) (== net5.0)
      System.Runtime (>= 4.3) - restriction: || (&& (== net472) (< net46)) (== net5.0)
      System.Threading (>= 4.3) - restriction: || (&& (== net472) (< net46)) (== net5.0)
      System.Threading.Tasks (>= 4.3) - restriction: || (&& (== net472) (< net46)) (== net5.0)
    System.Security.Cryptography.X509Certificates (4.3.2)
      Microsoft.NETCore.Platforms (>= 1.1) - restriction: || (&& (== net472) (< net46)) (== net5.0)
      runtime.native.System (>= 4.3) - restriction: || (&& (== net472) (< net46)) (== net5.0)
      runtime.native.System.Net.Http (>= 4.3) - restriction: || (&& (== net472) (< net46)) (== net5.0)
      runtime.native.System.Security.Cryptography.OpenSsl (>= 4.3.2) - restriction: || (&& (== net472) (< net46)) (== net5.0)
      System.Collections (>= 4.3) - restriction: || (&& (== net472) (< net46)) (== net5.0)
      System.Diagnostics.Debug (>= 4.3) - restriction: || (&& (== net472) (< net46)) (== net5.0)
      System.Globalization (>= 4.3) - restriction: || (&& (== net472) (< net46)) (== net5.0)
      System.Globalization.Calendars (>= 4.3) - restriction: || (&& (== net472) (< net46)) (== net5.0)
      System.IO (>= 4.3) - restriction: || (&& (== net472) (< net46)) (== net5.0)
      System.IO.FileSystem (>= 4.3) - restriction: || (&& (== net472) (< net46)) (== net5.0)
      System.IO.FileSystem.Primitives (>= 4.3) - restriction: || (&& (== net472) (< net46)) (== net5.0)
      System.Resources.ResourceManager (>= 4.3) - restriction: || (&& (== net472) (< net46)) (== net5.0)
      System.Runtime (>= 4.3) - restriction: || (&& (== net472) (< net46)) (== net5.0)
      System.Runtime.Extensions (>= 4.3) - restriction: || (&& (== net472) (< net46)) (== net5.0)
      System.Runtime.Handles (>= 4.3) - restriction: || (&& (== net472) (< net46)) (== net5.0)
      System.Runtime.InteropServices (>= 4.3) - restriction: || (&& (== net472) (< net46)) (== net5.0)
      System.Runtime.Numerics (>= 4.3) - restriction: || (&& (== net472) (< net46)) (== net5.0)
      System.Security.Cryptography.Algorithms (>= 4.3)
      System.Security.Cryptography.Cng (>= 4.3) - restriction: || (&& (== net472) (< net46)) (== net5.0)
      System.Security.Cryptography.Csp (>= 4.3) - restriction: || (&& (== net472) (< net46)) (== net5.0)
      System.Security.Cryptography.Encoding (>= 4.3)
      System.Security.Cryptography.OpenSsl (>= 4.3) - restriction: || (&& (== net472) (< net46)) (== net5.0)
      System.Security.Cryptography.Primitives (>= 4.3) - restriction: || (&& (== net472) (< net46)) (== net5.0)
      System.Text.Encoding (>= 4.3) - restriction: || (&& (== net472) (< net46)) (== net5.0)
      System.Threading (>= 4.3) - restriction: || (&& (== net472) (< net46)) (== net5.0)
    System.Security.Principal.Windows (5.0)
    System.Text.Encoding (4.3) - restriction: || (&& (== net472) (< net45)) (== net5.0)
      Microsoft.NETCore.Platforms (>= 1.1) - restriction: || (&& (== net472) (< net45)) (== net5.0)
      Microsoft.NETCore.Targets (>= 1.1) - restriction: || (&& (== net472) (< net45)) (== net5.0)
      System.Runtime (>= 4.3) - restriction: || (&& (== net472) (< net45)) (== net5.0)
    System.Text.Encoding.Extensions (4.3) - restriction: || (&& (== net472) (< net35)) (== net5.0)
      Microsoft.NETCore.Platforms (>= 1.1) - restriction: || (&& (== net472) (< net45)) (== net5.0)
      Microsoft.NETCore.Targets (>= 1.1) - restriction: || (&& (== net472) (< net45)) (== net5.0)
      System.Runtime (>= 4.3) - restriction: || (&& (== net472) (< net45)) (== net5.0)
      System.Text.Encoding (>= 4.3) - restriction: || (&& (== net472) (< net45)) (== net5.0)
    System.Text.RegularExpressions (4.3.1) - restriction: || (&& (== net472) (< net35)) (== net5.0)
      System.Runtime (>= 4.3.1) - restriction: || (&& (== net472) (< net45)) (&& (== net472) (>= netcoreapp1.1)) (== net5.0)
    System.Threading (4.3) - restriction: || (&& (== net472) (< net45)) (== net5.0)
      System.Runtime (>= 4.3) - restriction: || (&& (== net472) (< net45)) (== net5.0)
      System.Threading.Tasks (>= 4.3) - restriction: || (&& (== net472) (< net45)) (== net5.0)
    System.Threading.Tasks (4.3) - restriction: || (&& (== net472) (< net45)) (== net5.0)
      Microsoft.NETCore.Platforms (>= 1.1) - restriction: || (&& (== net472) (< net45)) (== net5.0)
      Microsoft.NETCore.Targets (>= 1.1) - restriction: || (&& (== net472) (< net45)) (== net5.0)
      System.Runtime (>= 4.3) - restriction: || (&& (== net472) (< net45)) (== net5.0)
    System.Threading.Tasks.Dataflow (5.0)
    System.Threading.Tasks.Extensions (4.5.4)
      System.Runtime.CompilerServices.Unsafe (>= 4.5.3) - restriction: || (== net472) (&& (== net5.0) (>= net461)) (&& (== net5.0) (< netcoreapp2.1)) (&& (== net5.0) (< netstandard1.0)) (&& (== net5.0) (< netstandard2.0)) (&& (== net5.0) (>= wp8))
    System.ValueTuple (4.5)
    System.Xml.ReaderWriter (4.3.1) - restriction: || (&& (== net472) (< net35)) (== net5.0)
      System.Collections (>= 4.3) - restriction: || (&& (== net472) (< net45)) (== net5.0)
      System.Diagnostics.Debug (>= 4.3) - restriction: || (&& (== net472) (< net45)) (== net5.0)
      System.Globalization (>= 4.3) - restriction: || (&& (== net472) (< net45)) (== net5.0)
      System.IO (>= 4.3) - restriction: || (&& (== net472) (< net45)) (== net5.0)
      System.IO.FileSystem (>= 4.3) - restriction: || (&& (== net472) (< net45)) (== net5.0)
      System.IO.FileSystem.Primitives (>= 4.3) - restriction: || (&& (== net472) (< net45)) (== net5.0)
      System.Resources.ResourceManager (>= 4.3) - restriction: || (&& (== net472) (< net45)) (== net5.0)
      System.Runtime (>= 4.3) - restriction: || (&& (== net472) (< net45)) (== net5.0)
      System.Runtime.Extensions (>= 4.3) - restriction: || (&& (== net472) (< net45)) (== net5.0)
      System.Runtime.InteropServices (>= 4.3) - restriction: || (&& (== net472) (< net45)) (== net5.0)
      System.Text.Encoding (>= 4.3) - restriction: || (&& (== net472) (< net45)) (== net5.0)
      System.Text.Encoding.Extensions (>= 4.3) - restriction: || (&& (== net472) (< net45)) (== net5.0)
      System.Text.RegularExpressions (>= 4.3) - restriction: || (&& (== net472) (< net45)) (== net5.0)
      System.Threading.Tasks (>= 4.3) - restriction: || (&& (== net472) (< net45)) (== net5.0)
      System.Threading.Tasks.Extensions (>= 4.3) - restriction: || (&& (== net472) (< net45)) (== net5.0)
    System.Xml.XmlDocument (4.3) - restriction: || (&& (== net472) (< net35)) (== net5.0)
      System.Collections (>= 4.3) - restriction: || (&& (== net472) (< net46)) (== net5.0)
      System.Diagnostics.Debug (>= 4.3) - restriction: || (&& (== net472) (< net46)) (== net5.0)
      System.Globalization (>= 4.3) - restriction: || (&& (== net472) (< net46)) (== net5.0)
      System.IO (>= 4.3) - restriction: || (&& (== net472) (< net46)) (== net5.0)
      System.Resources.ResourceManager (>= 4.3) - restriction: || (&& (== net472) (< net46)) (== net5.0)
      System.Runtime (>= 4.3) - restriction: || (&& (== net472) (< net46)) (== net5.0)
      System.Runtime.Extensions (>= 4.3) - restriction: || (&& (== net472) (< net46)) (== net5.0)
      System.Text.Encoding (>= 4.3) - restriction: || (&& (== net472) (< net46)) (== net5.0)
      System.Threading (>= 4.3) - restriction: || (&& (== net472) (< net46)) (== net5.0)
      System.Xml.ReaderWriter (>= 4.3) - restriction: || (&& (== net472) (< net46)) (== net5.0)

GROUP Fake-Build
STORAGE: NONE
RESTRICTION: == netstandard2.0
NUGET
  remote: https://api.nuget.org/v3/index.json
    BlackFox.VsWhere (1.1)
      FSharp.Core (>= 4.2.3)
      Microsoft.Win32.Registry (>= 4.7)
    Fake.Api.GitHub (5.20.4)
      FSharp.Core (>= 4.7.2)
      Octokit (>= 0.48)
    Fake.BuildServer.TeamFoundation (5.20.4)
      Fake.Core.Environment (>= 5.20.4)
      Fake.Core.String (>= 5.20.4)
      Fake.Core.Trace (>= 5.20.4)
      Fake.Core.Vault (>= 5.20.4)
      Fake.IO.FileSystem (>= 5.20.4)
      FSharp.Core (>= 4.7.2)
    Fake.Core.CommandLineParsing (5.20.4)
      FParsec (>= 1.1.1)
      FSharp.Core (>= 4.7.2)
    Fake.Core.Context (5.20.4)
      FSharp.Core (>= 4.7.2)
    Fake.Core.Environment (5.20.4)
      FSharp.Core (>= 4.7.2)
    Fake.Core.FakeVar (5.20.4)
      Fake.Core.Context (>= 5.20.4)
      FSharp.Core (>= 4.7.2)
    Fake.Core.Process (5.20.4)
      Fake.Core.Environment (>= 5.20.4)
      Fake.Core.FakeVar (>= 5.20.4)
      Fake.Core.String (>= 5.20.4)
      Fake.Core.Trace (>= 5.20.4)
      Fake.IO.FileSystem (>= 5.20.4)
      FSharp.Core (>= 4.7.2)
      System.Collections.Immutable (>= 1.7.1)
    Fake.Core.ReleaseNotes (5.20.4)
      Fake.Core.SemVer (>= 5.20.4)
      Fake.Core.String (>= 5.20.4)
      FSharp.Core (>= 4.7.2)
    Fake.Core.SemVer (5.20.4)
      FSharp.Core (>= 4.7.2)
    Fake.Core.String (5.20.4)
      FSharp.Core (>= 4.7.2)
    Fake.Core.Target (5.20.4)
      Fake.Core.CommandLineParsing (>= 5.20.4)
      Fake.Core.Context (>= 5.20.4)
      Fake.Core.Environment (>= 5.20.4)
      Fake.Core.FakeVar (>= 5.20.4)
      Fake.Core.Process (>= 5.20.4)
      Fake.Core.String (>= 5.20.4)
      Fake.Core.Trace (>= 5.20.4)
      FSharp.Control.Reactive (>= 4.4.2)
      FSharp.Core (>= 4.7.2)
    Fake.Core.Tasks (5.20.4)
      Fake.Core.Trace (>= 5.20.4)
      FSharp.Core (>= 4.7.2)
    Fake.Core.Trace (5.20.4)
      Fake.Core.Environment (>= 5.20.4)
      Fake.Core.FakeVar (>= 5.20.4)
      FSharp.Core (>= 4.7.2)
    Fake.Core.Vault (5.20.4)
      FSharp.Core (>= 4.7.2)
      Newtonsoft.Json (>= 12.0.3)
    Fake.Core.Xml (5.20.4)
      Fake.Core.String (>= 5.20.4)
      FSharp.Core (>= 4.7.2)
    Fake.DotNet.AssemblyInfoFile (5.20.4)
      Fake.Core.Environment (>= 5.20.4)
      Fake.Core.String (>= 5.20.4)
      Fake.Core.Trace (>= 5.20.4)
      Fake.IO.FileSystem (>= 5.20.4)
      FSharp.Core (>= 4.7.2)
    Fake.DotNet.Cli (5.20.4)
      Fake.Core.Environment (>= 5.20.4)
      Fake.Core.Process (>= 5.20.4)
      Fake.Core.String (>= 5.20.4)
      Fake.Core.Trace (>= 5.20.4)
      Fake.DotNet.MSBuild (>= 5.20.4)
      Fake.Dotnet.NuGet (>= 5.20.4)
      Fake.IO.FileSystem (>= 5.20.4)
      FSharp.Core (>= 4.7.2)
      Mono.Posix.NETStandard (>= 1.0)
      Newtonsoft.Json (>= 12.0.3)
    Fake.DotNet.MSBuild (5.20.4)
      BlackFox.VsWhere (>= 1.1)
      Fake.Core.Environment (>= 5.20.4)
      Fake.Core.Process (>= 5.20.4)
      Fake.Core.String (>= 5.20.4)
      Fake.Core.Trace (>= 5.20.4)
      Fake.IO.FileSystem (>= 5.20.4)
      FSharp.Core (>= 4.7.2)
      MSBuild.StructuredLogger (>= 2.1.176)
    Fake.Dotnet.NuGet (5.20.4)
      Fake.Core.Environment (>= 5.20.4)
      Fake.Core.Process (>= 5.20.4)
      Fake.Core.SemVer (>= 5.20.4)
      Fake.Core.String (>= 5.20.4)
      Fake.Core.Tasks (>= 5.20.4)
      Fake.Core.Trace (>= 5.20.4)
      Fake.Core.Xml (>= 5.20.4)
      Fake.IO.FileSystem (>= 5.20.4)
      Fake.Net.Http (>= 5.20.4)
      FSharp.Core (>= 4.7.2)
      Newtonsoft.Json (>= 12.0.3)
      NuGet.Protocol (>= 5.6)
    Fake.DotNet.Paket (5.20.4)
      Fake.Core.Process (>= 5.20.4)
      Fake.Core.String (>= 5.20.4)
      Fake.Core.Trace (>= 5.20.4)
      Fake.DotNet.Cli (>= 5.20.4)
      Fake.IO.FileSystem (>= 5.20.4)
      FSharp.Core (>= 4.7.2)
    Fake.DotNet.Testing.XUnit2 (5.20.4)
      Fake.Core.Process (>= 5.20.4)
      Fake.Core.String (>= 5.20.4)
      Fake.Core.Trace (>= 5.20.4)
      Fake.IO.FileSystem (>= 5.20.4)
      Fake.Testing.Common (>= 5.20.4)
      FSharp.Core (>= 4.7.2)
    Fake.IO.FileSystem (5.20.4)
      Fake.Core.String (>= 5.20.4)
      FSharp.Core (>= 4.7.2)
    Fake.IO.Zip (5.20.4)
      Fake.Core.String (>= 5.20.4)
      Fake.IO.FileSystem (>= 5.20.4)
      FSharp.Core (>= 4.7.2)
    Fake.Net.Http (5.20.4)
      Fake.Core.Trace (>= 5.20.4)
      FSharp.Core (>= 4.7.2)
    Fake.Testing.Common (5.20.4)
      Fake.Core.Trace (>= 5.20.4)
      FSharp.Core (>= 4.7.2)
    FParsec (1.1.1)
      FSharp.Core (>= 4.3.4)
    FSharp.Control.Reactive (5.0.2)
      FSharp.Core (>= 4.7.2)
      System.Reactive (>= 5.0)
    FSharp.Core (5.0.1)
    Microsoft.Build (16.10)
    Microsoft.Build.Framework (16.10)
      System.Security.Permissions (>= 4.7)
    Microsoft.Build.Tasks.Core (16.10)
      Microsoft.Build.Framework (>= 16.10)
      Microsoft.Build.Utilities.Core (>= 16.10)
      Microsoft.NET.StringTools (>= 1.0)
      Microsoft.Win32.Registry (>= 4.3)
      System.CodeDom (>= 4.4)
      System.Collections.Immutable (>= 5.0)
      System.Reflection.Metadata (>= 1.6)
      System.Resources.Extensions (>= 4.6)
      System.Security.Cryptography.Pkcs (>= 4.7)
      System.Security.Cryptography.Xml (>= 4.7)
      System.Security.Permissions (>= 4.7)
      System.Threading.Tasks.Dataflow (>= 4.9)
    Microsoft.Build.Utilities.Core (16.10)
      Microsoft.Build.Framework (>= 16.10)
      Microsoft.NET.StringTools (>= 1.0)
      Microsoft.Win32.Registry (>= 4.3)
      System.Collections.Immutable (>= 5.0)
      System.Configuration.ConfigurationManager (>= 4.7)
      System.Security.Permissions (>= 4.7)
      System.Text.Encoding.CodePages (>= 4.0.1)
    Microsoft.NET.StringTools (1.0)
      System.Memory (>= 4.5.4)
      System.Runtime.CompilerServices.Unsafe (>= 5.0)
    Microsoft.NETCore.Platforms (5.0.2)
    Microsoft.NETCore.Targets (5.0)
    Microsoft.Win32.Registry (5.0)
      System.Buffers (>= 4.5.1)
      System.Memory (>= 4.5.4)
      System.Security.AccessControl (>= 5.0)
      System.Security.Principal.Windows (>= 5.0)
    Mono.Posix.NETStandard (1.0)
    MSBuild.StructuredLogger (2.1.507)
      Microsoft.Build (>= 16.4)
      Microsoft.Build.Framework (>= 16.4)
      Microsoft.Build.Tasks.Core (>= 16.4)
      Microsoft.Build.Utilities.Core (>= 16.4)
    Newtonsoft.Json (13.0.1)
    NuGet.Common (5.9.1)
      NuGet.Frameworks (>= 5.9.1)
    NuGet.Configuration (5.9.1)
      NuGet.Common (>= 5.9.1)
      System.Security.Cryptography.ProtectedData (>= 4.4)
    NuGet.Frameworks (5.9.1)
    NuGet.Packaging (5.9.1)
      Newtonsoft.Json (>= 9.0.1)
      NuGet.Configuration (>= 5.9.1)
      NuGet.Versioning (>= 5.9.1)
      System.Security.Cryptography.Cng (>= 5.0)
      System.Security.Cryptography.Pkcs (>= 5.0)
    NuGet.Protocol (5.9.1)
      NuGet.Packaging (>= 5.9.1)
    NuGet.Versioning (5.9.1)
    Octokit (0.50)
    System.Buffers (4.5.1)
    System.CodeDom (5.0)
    System.Collections.Immutable (5.0)
      System.Memory (>= 4.5.4)
    System.Configuration.ConfigurationManager (5.0)
      System.Security.Cryptography.ProtectedData (>= 5.0)
      System.Security.Permissions (>= 5.0)
    System.Formats.Asn1 (5.0)
      System.Buffers (>= 4.5.1)
      System.Memory (>= 4.5.4)
    System.Memory (4.5.4)
      System.Buffers (>= 4.5.1)
      System.Numerics.Vectors (>= 4.4)
      System.Runtime.CompilerServices.Unsafe (>= 4.5.3)
    System.Numerics.Vectors (4.5)
    System.Reactive (5.0)
      System.Runtime.InteropServices.WindowsRuntime (>= 4.3)
      System.Threading.Tasks.Extensions (>= 4.5.4)
    System.Reflection.Metadata (5.0)
      System.Collections.Immutable (>= 5.0)
    System.Resources.Extensions (5.0)
      System.Memory (>= 4.5.4)
    System.Runtime (4.3.1)
      Microsoft.NETCore.Platforms (>= 1.1.1)
      Microsoft.NETCore.Targets (>= 1.1.3)
    System.Runtime.CompilerServices.Unsafe (5.0)
    System.Runtime.InteropServices.WindowsRuntime (4.3)
      System.Runtime (>= 4.3)
    System.Security.AccessControl (5.0)
      System.Security.Principal.Windows (>= 5.0)
    System.Security.Cryptography.Cng (5.0)
    System.Security.Cryptography.Pkcs (5.0.1)
      System.Buffers (>= 4.5.1)
      System.Formats.Asn1 (>= 5.0)
      System.Memory (>= 4.5.4)
      System.Security.Cryptography.Cng (>= 5.0)
    System.Security.Cryptography.ProtectedData (5.0)
      System.Memory (>= 4.5.4)
    System.Security.Cryptography.Xml (5.0)
      System.Memory (>= 4.5.4)
      System.Security.Cryptography.Pkcs (>= 5.0)
      System.Security.Permissions (>= 5.0)
    System.Security.Permissions (5.0)
      System.Security.AccessControl (>= 5.0)
    System.Security.Principal.Windows (5.0)
    System.Text.Encoding.CodePages (5.0)
      System.Runtime.CompilerServices.Unsafe (>= 5.0)
    System.Threading.Tasks.Dataflow (5.0)
    System.Threading.Tasks.Extensions (4.5.4)
      System.Runtime.CompilerServices.Unsafe (>= 4.5.3)

GROUP Fake-Tools
STORAGE: PACKAGES
NUGET
  remote: https://api.nuget.org/v3/index.json
    xunit.runner.console (2.4.1)

GROUP Tests
STORAGE: NONE
CONTENT: NONE
RESTRICTION: == net472
NUGET
  remote: https://api.nuget.org/v3/index.json
    Microsoft.CodeCoverage (16.11)
    Microsoft.NET.Test.Sdk (16.11)
      Microsoft.CodeCoverage (>= 16.11)
    xunit (2.4.1)
      xunit.analyzers (>= 0.10)
      xunit.assert (2.4.1)
      xunit.core (2.4.1)
    xunit.abstractions (2.0.3)
    xunit.analyzers (0.10)
    xunit.assert (2.4.1)
    xunit.core (2.4.1)
      xunit.extensibility.core (2.4.1)
      xunit.extensibility.execution (2.4.1)
    xunit.extensibility.core (2.4.1)
      xunit.abstractions (>= 2.0.3)
    xunit.extensibility.execution (2.4.1)
      xunit.extensibility.core (2.4.1)
    xunit.runner.visualstudio (2.4.3)

GROUP Tests-netcore
STORAGE: NONE
CONTENT: NONE
RESTRICTION: == net5.0
NUGET
  remote: https://api.nuget.org/v3/index.json
    Microsoft.CodeCoverage (16.11)
    Microsoft.NET.Test.Sdk (16.11)
      Microsoft.CodeCoverage (>= 16.11)
      Microsoft.TestPlatform.TestHost (>= 16.11)
    Microsoft.NETCore.Platforms (5.0.3)
    Microsoft.TestPlatform.ObjectModel (16.11)
      NuGet.Frameworks (>= 5.0)
      System.Reflection.Metadata (>= 1.6)
    Microsoft.TestPlatform.TestHost (16.11)
      Microsoft.TestPlatform.ObjectModel (>= 16.11)
      Newtonsoft.Json (>= 9.0.1)
    NETStandard.Library (2.0.3)
      Microsoft.NETCore.Platforms (>= 1.1)
    Newtonsoft.Json (13.0.1)
    NuGet.Frameworks (5.11)
    System.Reflection.Metadata (5.0)
    xunit (2.4.1)
      xunit.analyzers (>= 0.10)
      xunit.assert (2.4.1)
      xunit.core (2.4.1)
    xunit.abstractions (2.0.3)
    xunit.analyzers (0.10)
    xunit.assert (2.4.1)
      NETStandard.Library (>= 1.6.1)
    xunit.core (2.4.1)
      xunit.extensibility.core (2.4.1)
      xunit.extensibility.execution (2.4.1)
    xunit.extensibility.core (2.4.1)
      NETStandard.Library (>= 1.6.1)
      xunit.abstractions (>= 2.0.3)
    xunit.extensibility.execution (2.4.1)
      NETStandard.Library (>= 1.6.1)
      xunit.extensibility.core (2.4.1)
    xunit.runner.visualstudio (2.4.3)
