STORAGE: NONE
CONTENT: NONE
RESTRICTION: || (== net472) (== net8.0) (== net9.0)
NUGET
  remote: https://api.nuget.org/v3/index.json
    Azure.Core (1.44.1) - restriction: || (&& (== net472) (>= net6.0)) (== net8.0) (== net9.0)
      Microsoft.Bcl.AsyncInterfaces (>= 6.0)
      System.ClientModel (>= 1.1)
      System.Diagnostics.DiagnosticSource (>= 6.0.1)
      System.Memory.Data (>= 6.0)
      System.Numerics.Vectors (>= 4.5)
      System.Text.Encodings.Web (>= 6.0)
      System.Text.Json (>= 6.0.10)
      System.Threading.Tasks.Extensions (>= 4.5.4)
    Azure.Identity (1.13.1) - restriction: || (&& (== net472) (>= net6.0)) (== net8.0) (== net9.0)
      Azure.Core (>= 1.44.1)
      Microsoft.Identity.Client (>= 4.66.1)
      Microsoft.Identity.Client.Extensions.Msal (>= 4.66.1)
      System.Memory (>= 4.5.5)
      System.Text.Json (>= 6.0.10)
      System.Threading.Tasks.Extensions (>= 4.5.4)
    Castle.Core (5.1.1)
      System.Diagnostics.EventLog (>= 6.0) - restriction: || (&& (== net472) (>= net6.0)) (== net8.0) (== net9.0)
    CommandLineParser (2.9.1)
    Costura.Fody (5.7) - copy_local: true
      Fody (>= 6.5.5)
      NETStandard.Library (>= 1.6.1)
    CsvHelper (33.0.1)
      Microsoft.Bcl.AsyncInterfaces (>= 8.0) - restriction: || (== net472) (&& (== net8.0) (>= net462) (< netstandard2.0)) (&& (== net8.0) (>= net47)) (&& (== net8.0) (< netstandard2.1)) (&& (== net9.0) (>= net462) (< netstandard2.0)) (&& (== net9.0) (>= net47)) (&& (== net9.0) (< netstandard2.1))
      Microsoft.Bcl.HashCode (>= 1.1.1) - restriction: || (== net472) (&& (== net8.0) (>= net462) (< netstandard2.0)) (&& (== net8.0) (>= net47)) (&& (== net8.0) (< netstandard2.1)) (&& (== net9.0) (>= net462) (< netstandard2.0)) (&& (== net9.0) (>= net47)) (&& (== net9.0) (< netstandard2.1))
      Microsoft.CSharp (>= 4.7) - restriction: || (== net472) (&& (== net8.0) (>= net462) (< netstandard2.0)) (&& (== net8.0) (>= net47)) (&& (== net8.0) (< net6.0)) (&& (== net8.0) (< netstandard2.1)) (&& (== net9.0) (>= net462) (< netstandard2.0)) (&& (== net9.0) (>= net47)) (&& (== net9.0) (< net6.0)) (&& (== net9.0) (< netstandard2.1))
      System.Memory (>= 4.5) - restriction: || (== net472) (&& (== net8.0) (>= net462) (< netstandard2.0)) (&& (== net8.0) (>= net47)) (&& (== net8.0) (< netstandard2.1)) (&& (== net9.0) (>= net462) (< netstandard2.0)) (&& (== net9.0) (>= net47)) (&& (== net9.0) (< netstandard2.1))
    dbup-core (5.0.87)
      Microsoft.CSharp (>= 4.7) - restriction: || (&& (== net472) (< net462)) (&& (== net472) (>= net6.0)) (== net8.0) (== net9.0)
      System.Diagnostics.TraceSource (>= 4.3) - restriction: || (&& (== net472) (< net462)) (&& (== net472) (>= net6.0)) (== net8.0) (== net9.0)
      System.Net.Http (>= 4.3.4)
      System.Text.RegularExpressions (>= 4.3.1)
    dbup-sqlserver (5.0.41)
      dbup-core (>= 5.0.37)
      Microsoft.Azure.Services.AppAuthentication (>= 1.6.2)
      Microsoft.Data.SqlClient (>= 5.1.4) - restriction: || (&& (== net472) (>= net6.0)) (== net8.0) (== net9.0)
      System.Net.Security (>= 4.3.2)
    Fody (6.8.2)
    HtmlAgilityPack (1.11.71)
    LibGit2Sharp (0.30)
      LibGit2Sharp.NativeBinaries (2.0.322)
    LibGit2Sharp.NativeBinaries (2.0.322)
    Microsoft.AnalysisServices (19.86.6)
      Microsoft.Identity.Client (>= 4.61.3)
      Microsoft.Identity.Client.Broker (>= 4.61.3)
    Microsoft.AnalysisServices.AdomdClient (19.86.6)
      Microsoft.Identity.Client (>= 4.61.3)
      Microsoft.Identity.Client.Broker (>= 4.61.3)
    Microsoft.Azure.Services.AppAuthentication (1.6.2)
      Microsoft.IdentityModel.Clients.ActiveDirectory (>= 5.2.9)
      System.Diagnostics.Process (>= 4.3) - restriction: || (&& (== net472) (< net452)) (== net8.0) (== net9.0)
    Microsoft.Bcl.AsyncInterfaces (8.0)
      System.Threading.Tasks.Extensions (>= 4.5.4) - restriction: || (== net472) (&& (== net8.0) (>= net462)) (&& (== net8.0) (< netstandard2.1)) (&& (== net9.0) (>= net462)) (&& (== net9.0) (< netstandard2.1))
    Microsoft.Bcl.HashCode (1.1.1) - restriction: || (== net472) (&& (== net8.0) (>= net462) (< netstandard2.0)) (&& (== net8.0) (>= net47)) (&& (== net8.0) (< netstandard2.1)) (&& (== net9.0) (>= net462) (< netstandard2.0)) (&& (== net9.0) (>= net47)) (&& (== net9.0) (< netstandard2.1))
    Microsoft.Bcl.TimeProvider (8.0.1)
      Microsoft.Bcl.AsyncInterfaces (>= 8.0) - restriction: || (== net472) (&& (== net8.0) (>= net462)) (&& (== net9.0) (>= net462)) (&& (== net9.0) (< net8.0))
      System.ValueTuple (>= 4.5) - restriction: || (== net472) (&& (== net8.0) (>= net462)) (&& (== net9.0) (>= net462))
    Microsoft.CSharp (4.7)
    Microsoft.Data.SqlClient (5.2.2) - restriction: || (&& (== net472) (>= net6.0)) (== net8.0) (== net9.0)
      Azure.Identity (>= 1.11.4)
      Microsoft.Data.SqlClient.SNI.runtime (>= 5.2) - restriction: || (&& (== net472) (< net462)) (&& (== net472) (>= netstandard2.1)) (== net8.0) (== net9.0)
      Microsoft.Identity.Client (>= 4.61.3)
      Microsoft.IdentityModel.JsonWebTokens (>= 6.35)
      Microsoft.IdentityModel.Protocols.OpenIdConnect (>= 6.35)
      Microsoft.SqlServer.Server (>= 1.0) - restriction: || (&& (== net472) (< net462)) (&& (== net472) (>= netstandard2.1)) (== net8.0) (== net9.0)
      System.Configuration.ConfigurationManager (>= 8.0) - restriction: || (&& (== net472) (>= net8.0)) (== net8.0) (== net9.0)
      System.Runtime.Caching (>= 8.0) - restriction: || (&& (== net472) (>= net8.0)) (== net8.0) (== net9.0)
    Microsoft.Data.SqlClient.SNI.runtime (5.2) - restriction: || (&& (== net472) (>= net6.0)) (== net8.0) (== net9.0)
    Microsoft.Identity.Client (4.66.2)
      Microsoft.IdentityModel.Abstractions (>= 6.35)
      System.Diagnostics.DiagnosticSource (>= 6.0.1)
    Microsoft.Identity.Client.Broker (4.66.1)
      Microsoft.Identity.Client (>= 4.66.1)
      Microsoft.Identity.Client.NativeInterop (>= 0.16.2)
    Microsoft.Identity.Client.Extensions.Msal (4.66.1) - restriction: || (&& (== net472) (>= net6.0)) (== net8.0) (== net9.0)
      Microsoft.Identity.Client (>= 4.66.1)
      System.Security.Cryptography.ProtectedData (>= 4.5)
    Microsoft.Identity.Client.NativeInterop (0.17.2)
    Microsoft.IdentityModel.Abstractions (8.2)
    Microsoft.IdentityModel.Clients.ActiveDirectory (5.3)
      Microsoft.CSharp (>= 4.3) - restriction: || (&& (== net472) (< net45)) (== net8.0) (== net9.0)
      NETStandard.Library (>= 1.6.1) - restriction: || (&& (== net472) (< net45)) (== net8.0) (== net9.0)
      System.ComponentModel.TypeConverter (>= 4.3) - restriction: || (&& (== net472) (< net45)) (== net8.0) (== net9.0)
      System.Dynamic.Runtime (>= 4.3) - restriction: || (&& (== net472) (< net45)) (== net8.0) (== net9.0)
      System.Net.Http (>= 4.3.4)
      System.Private.Uri (>= 4.3.2)
      System.Runtime.Serialization.Formatters (>= 4.3) - restriction: || (&& (== net472) (< net45)) (== net8.0) (== net9.0)
      System.Runtime.Serialization.Json (>= 4.3) - restriction: || (&& (== net472) (< net45)) (== net8.0) (== net9.0)
      System.Runtime.Serialization.Primitives (>= 4.3) - restriction: || (&& (== net472) (< net45)) (== net8.0) (== net9.0)
      System.Security.Cryptography.X509Certificates (>= 4.3) - restriction: || (&& (== net472) (< net45)) (== net8.0) (== net9.0)
      System.Security.SecureString (>= 4.3) - restriction: || (&& (== net472) (< net45)) (== net8.0) (== net9.0)
      System.Xml.XDocument (>= 4.3) - restriction: || (&& (== net472) (< net45)) (== net8.0) (== net9.0)
      System.Xml.XmlDocument (>= 4.3) - restriction: || (&& (== net472) (< net45)) (== net8.0) (== net9.0)
    Microsoft.IdentityModel.JsonWebTokens (8.2) - restriction: || (&& (== net472) (>= net6.0)) (== net8.0) (== net9.0)
      Microsoft.Bcl.TimeProvider (>= 8.0.1)
      Microsoft.IdentityModel.Tokens (>= 8.2)
    Microsoft.IdentityModel.Logging (8.2) - restriction: || (&& (== net472) (>= net6.0)) (== net8.0) (== net9.0)
      Microsoft.IdentityModel.Abstractions (>= 8.2)
    Microsoft.IdentityModel.Protocols (8.2) - restriction: || (&& (== net472) (>= net6.0)) (== net8.0) (== net9.0)
      Microsoft.IdentityModel.Tokens (>= 8.2)
    Microsoft.IdentityModel.Protocols.OpenIdConnect (8.2) - restriction: || (&& (== net472) (>= net6.0)) (== net8.0) (== net9.0)
      Microsoft.IdentityModel.Protocols (>= 8.2)
      System.IdentityModel.Tokens.Jwt (>= 8.2)
    Microsoft.IdentityModel.Tokens (8.2) - restriction: || (&& (== net472) (>= net6.0)) (== net8.0) (== net9.0)
      Microsoft.Bcl.TimeProvider (>= 8.0.1)
      Microsoft.IdentityModel.Logging (>= 8.2)
    Microsoft.NETCore.Platforms (7.0.4)
    Microsoft.NETCore.Targets (5.0)
    Microsoft.PowerBI.Api (4.22)
      Microsoft.Rest.ClientRuntime (>= 2.3.24)
      Newtonsoft.Json (>= 13.0.1)
      System.Security.Cryptography.Cng (>= 4.7)
    Microsoft.Rest.ClientRuntime (2.3.24)
      Newtonsoft.Json (>= 10.0.3)
    Microsoft.SqlServer.Server (1.0) - restriction: || (&& (== net472) (>= net6.0)) (== net8.0) (== net9.0)
    Microsoft.Win32.Primitives (4.3) - restriction: || (&& (== net472) (< net46)) (== net8.0) (== net9.0)
      Microsoft.NETCore.Platforms (>= 1.1) - restriction: || (&& (== net472) (< net46)) (== net8.0) (== net9.0)
      Microsoft.NETCore.Targets (>= 1.1) - restriction: || (&& (== net472) (< net46)) (== net8.0) (== net9.0)
      System.Runtime (>= 4.3) - restriction: || (&& (== net472) (< net46)) (== net8.0) (== net9.0)
    Microsoft.Win32.Registry (5.0) - restriction: || (&& (== net472) (< net452)) (== net8.0) (== net9.0)
      System.Security.AccessControl (>= 5.0)
      System.Security.Principal.Windows (>= 5.0)
    Moq (4.20.72)
      Castle.Core (>= 5.1.1)
      System.Threading.Tasks.Extensions (>= 4.5.4) - restriction: || (== net472) (&& (== net8.0) (>= net462)) (&& (== net8.0) (< netstandard2.1)) (&& (== net9.0) (>= net462)) (&& (== net9.0) (< netstandard2.1))
    NETStandard.Library (2.0.3) - copy_local: true
      Microsoft.NETCore.Platforms (>= 1.1)
    Newtonsoft.Json (13.0.3)
    PeNet (4.1)
      PeNet.Asn1 (>= 2.0.1)
      System.Memory (>= 4.5.5) - restriction: || (== net472) (&& (== net8.0) (>= net48)) (&& (== net8.0) (< netstandard2.1)) (&& (== net9.0) (>= net48)) (&& (== net9.0) (< netstandard2.1))
      System.Runtime.CompilerServices.Unsafe (>= 6.0) - restriction: || (== net472) (&& (== net8.0) (>= net48)) (&& (== net8.0) (< netstandard2.1)) (&& (== net9.0) (>= net48)) (&& (== net9.0) (< netstandard2.1))
      System.Security.Cryptography.Pkcs (>= 8.0)
    PeNet.Asn1 (2.0.1)
    PInvoke.Msi (0.7.124)
      PInvoke.Windows.Core (>= 0.7.124)
    PInvoke.Windows.Core (0.7.124)
      System.Memory (>= 4.5.4)
    Polly (8.5)
      Polly.Core (>= 8.5)
    Polly.Core (8.5)
      Microsoft.Bcl.AsyncInterfaces (>= 6.0) - restriction: || (== net472) (&& (== net8.0) (>= net462)) (&& (== net8.0) (< net6.0)) (&& (== net9.0) (>= net462)) (&& (== net9.0) (< net6.0))
      Microsoft.Bcl.TimeProvider (>= 8.0) - restriction: || (== net472) (&& (== net8.0) (>= net462)) (&& (== net8.0) (< net6.0)) (&& (== net9.0) (>= net462)) (&& (== net9.0) (< net6.0)) (&& (== net9.0) (< net8.0))
      System.ComponentModel.Annotations (>= 4.5) - restriction: || (== net472) (&& (== net8.0) (>= net462)) (&& (== net8.0) (< net6.0)) (&& (== net9.0) (>= net462)) (&& (== net9.0) (< net6.0))
      System.Threading.Tasks.Extensions (>= 4.5.4) - restriction: || (== net472) (&& (== net8.0) (>= net462)) (&& (== net8.0) (< net6.0)) (&& (== net9.0) (>= net462)) (&& (== net9.0) (< net6.0))
      System.ValueTuple (>= 4.5) - restriction: || (== net472) (&& (== net8.0) (>= net462)) (&& (== net9.0) (>= net462))
    PowerArgs (3.6)
    runtime.debian.8-x64.runtime.native.System.Security.Cryptography.OpenSsl (4.3.3) - restriction: || (&& (== net472) (< net45)) (== net8.0) (== net9.0)
    runtime.debian.9-x64.runtime.native.System.Security.Cryptography.OpenSsl (4.3.3) - restriction: || (&& (== net472) (< net45)) (== net8.0) (== net9.0)
    runtime.fedora.23-x64.runtime.native.System.Security.Cryptography.OpenSsl (4.3.3) - restriction: || (&& (== net472) (< net45)) (== net8.0) (== net9.0)
    runtime.fedora.24-x64.runtime.native.System.Security.Cryptography.OpenSsl (4.3.3) - restriction: || (&& (== net472) (< net45)) (== net8.0) (== net9.0)
    runtime.fedora.27-x64.runtime.native.System.Security.Cryptography.OpenSsl (4.3.3) - restriction: || (&& (== net472) (< net45)) (== net8.0) (== net9.0)
    runtime.fedora.28-x64.runtime.native.System.Security.Cryptography.OpenSsl (4.3.3) - restriction: || (&& (== net472) (< net45)) (== net8.0) (== net9.0)
    runtime.native.System (4.3.1) - restriction: || (&& (== net472) (< net45)) (== net8.0) (== net9.0)
      Microsoft.NETCore.Platforms (>= 1.1.1)
      Microsoft.NETCore.Targets (>= 1.1.3)
    runtime.native.System.IO.Compression (4.3.2) - restriction: || (&& (== net472) (< net45)) (== net8.0) (== net9.0)
      Microsoft.NETCore.Platforms (>= 1.1.1)
      Microsoft.NETCore.Targets (>= 1.1.3)
    runtime.native.System.Net.Http (4.3.1) - restriction: || (&& (== net472) (< net45)) (== net8.0) (== net9.0)
      Microsoft.NETCore.Platforms (>= 1.1.1)
      Microsoft.NETCore.Targets (>= 1.1.3)
    runtime.native.System.Net.Security (4.3.1) - restriction: || (&& (== net472) (< net46)) (== net8.0) (== net9.0)
      Microsoft.NETCore.Platforms (>= 1.1.1)
      Microsoft.NETCore.Targets (>= 1.1.3)
    runtime.native.System.Security.Cryptography.OpenSsl (4.3.3) - restriction: || (&& (== net472) (< net45)) (== net8.0) (== net9.0)
      runtime.debian.8-x64.runtime.native.System.Security.Cryptography.OpenSsl (>= 4.3.3)
      runtime.debian.9-x64.runtime.native.System.Security.Cryptography.OpenSsl (>= 4.3.3)
      runtime.fedora.23-x64.runtime.native.System.Security.Cryptography.OpenSsl (>= 4.3.3)
      runtime.fedora.24-x64.runtime.native.System.Security.Cryptography.OpenSsl (>= 4.3.3)
      runtime.fedora.27-x64.runtime.native.System.Security.Cryptography.OpenSsl (>= 4.3.3)
      runtime.fedora.28-x64.runtime.native.System.Security.Cryptography.OpenSsl (>= 4.3.3)
      runtime.opensuse.13.2-x64.runtime.native.System.Security.Cryptography.OpenSsl (>= 4.3.3)
      runtime.opensuse.42.1-x64.runtime.native.System.Security.Cryptography.OpenSsl (>= 4.3.3)
      runtime.opensuse.42.3-x64.runtime.native.System.Security.Cryptography.OpenSsl (>= 4.3.3)
      runtime.osx.10.10-x64.runtime.native.System.Security.Cryptography.OpenSsl (>= 4.3.3)
      runtime.rhel.7-x64.runtime.native.System.Security.Cryptography.OpenSsl (>= 4.3.3)
      runtime.ubuntu.14.04-x64.runtime.native.System.Security.Cryptography.OpenSsl (>= 4.3.3)
      runtime.ubuntu.16.04-x64.runtime.native.System.Security.Cryptography.OpenSsl (>= 4.3.3)
      runtime.ubuntu.16.10-x64.runtime.native.System.Security.Cryptography.OpenSsl (>= 4.3.3)
      runtime.ubuntu.18.04-x64.runtime.native.System.Security.Cryptography.OpenSsl (>= 4.3.3)
    runtime.opensuse.13.2-x64.runtime.native.System.Security.Cryptography.OpenSsl (4.3.3) - restriction: || (&& (== net472) (< net45)) (== net8.0) (== net9.0)
    runtime.opensuse.42.1-x64.runtime.native.System.Security.Cryptography.OpenSsl (4.3.3) - restriction: || (&& (== net472) (< net45)) (== net8.0) (== net9.0)
    runtime.opensuse.42.3-x64.runtime.native.System.Security.Cryptography.OpenSsl (4.3.3) - restriction: || (&& (== net472) (< net45)) (== net8.0) (== net9.0)
    runtime.osx.10.10-x64.runtime.native.System.Security.Cryptography.OpenSsl (4.3.3) - restriction: || (&& (== net472) (< net45)) (== net8.0) (== net9.0)
    runtime.rhel.7-x64.runtime.native.System.Security.Cryptography.OpenSsl (4.3.3) - restriction: || (&& (== net472) (< net45)) (== net8.0) (== net9.0)
    runtime.ubuntu.14.04-x64.runtime.native.System.Security.Cryptography.OpenSsl (4.3.3) - restriction: || (&& (== net472) (< net45)) (== net8.0) (== net9.0)
    runtime.ubuntu.16.04-x64.runtime.native.System.Security.Cryptography.OpenSsl (4.3.3) - restriction: || (&& (== net472) (< net45)) (== net8.0) (== net9.0)
    runtime.ubuntu.16.10-x64.runtime.native.System.Security.Cryptography.OpenSsl (4.3.3) - restriction: || (&& (== net472) (< net45)) (== net8.0) (== net9.0)
    runtime.ubuntu.18.04-x64.runtime.native.System.Security.Cryptography.OpenSsl (4.3.3) - restriction: || (&& (== net472) (< net45)) (== net8.0) (== net9.0)
    Serilog (4.1)
      System.Diagnostics.DiagnosticSource (>= 8.0.1) - restriction: || (== net472) (&& (== net8.0) (>= net462) (< netstandard2.0)) (&& (== net8.0) (>= net471)) (&& (== net8.0) (< net6.0)) (&& (== net9.0) (>= net462) (< netstandard2.0)) (&& (== net9.0) (>= net471)) (&& (== net9.0) (< net6.0))
      System.Threading.Channels (>= 8.0) - restriction: || (== net472) (&& (== net8.0) (>= net462) (< netstandard2.0)) (&& (== net8.0) (>= net471)) (&& (== net8.0) (< net6.0)) (&& (== net9.0) (>= net462) (< netstandard2.0)) (&& (== net9.0) (>= net471)) (&& (== net9.0) (< net6.0))
    Serilog.Sinks.Console (6.0)
      Serilog (>= 4.0)
    Spectre.Console (0.49.1)
      System.Memory (>= 4.5.5) - restriction: || (== net472) (&& (== net8.0) (< net6.0)) (&& (== net9.0) (< net6.0))
    Spectre.Console.Cli (0.49.1)
      Spectre.Console (>= 0.49.1)
    System.Buffers (4.5.1)
    System.ClientModel (1.2.1) - restriction: || (&& (== net472) (>= net6.0)) (== net8.0) (== net9.0)
      System.Memory.Data (>= 6.0)
      System.Text.Json (>= 6.0.10)
    System.Collections (4.3) - restriction: || (&& (== net472) (< net45)) (== net8.0) (== net9.0)
      Microsoft.NETCore.Platforms (>= 1.1) - restriction: || (&& (== net472) (< net45)) (== net8.0) (== net9.0)
      Microsoft.NETCore.Targets (>= 1.1) - restriction: || (&& (== net472) (< net45)) (== net8.0) (== net9.0)
      System.Runtime (>= 4.3) - restriction: || (&& (== net472) (< net45)) (== net8.0) (== net9.0)
    System.Collections.Concurrent (4.3) - restriction: || (&& (== net472) (< net46)) (== net8.0) (== net9.0)
      System.Collections (>= 4.3) - restriction: || (&& (== net472) (< net45)) (== net8.0) (== net9.0)
      System.Diagnostics.Debug (>= 4.3) - restriction: || (&& (== net472) (< net45)) (== net8.0) (== net9.0)
      System.Diagnostics.Tracing (>= 4.3) - restriction: || (&& (== net472) (< net45)) (== net8.0) (== net9.0)
      System.Globalization (>= 4.3) - restriction: || (&& (== net472) (< net45)) (== net8.0) (== net9.0)
      System.Reflection (>= 4.3) - restriction: || (&& (== net472) (< net45)) (== net8.0) (== net9.0)
      System.Resources.ResourceManager (>= 4.3) - restriction: || (&& (== net472) (< net45)) (== net8.0) (== net9.0)
      System.Runtime (>= 4.3) - restriction: || (&& (== net472) (< net45)) (== net8.0) (== net9.0)
      System.Runtime.Extensions (>= 4.3) - restriction: || (&& (== net472) (< net45)) (== net8.0) (== net9.0)
      System.Threading (>= 4.3) - restriction: || (&& (== net472) (< net45)) (== net8.0) (== net9.0)
      System.Threading.Tasks (>= 4.3) - restriction: || (&& (== net472) (< net45)) (== net8.0) (== net9.0)
    System.Collections.NonGeneric (4.3) - restriction: || (&& (== net472) (< net45)) (== net8.0) (== net9.0)
      System.Diagnostics.Debug (>= 4.3) - restriction: || (&& (== net472) (< net46)) (== net8.0) (== net9.0)
      System.Globalization (>= 4.3) - restriction: || (&& (== net472) (< net46)) (== net8.0) (== net9.0)
      System.Resources.ResourceManager (>= 4.3) - restriction: || (&& (== net472) (< net46)) (== net8.0) (== net9.0)
      System.Runtime (>= 4.3) - restriction: || (&& (== net472) (< net46)) (== net8.0) (== net9.0)
      System.Runtime.Extensions (>= 4.3) - restriction: || (&& (== net472) (< net46)) (== net8.0) (== net9.0)
      System.Threading (>= 4.3) - restriction: || (&& (== net472) (< net46)) (== net8.0) (== net9.0)
    System.Collections.Specialized (4.3) - restriction: || (&& (== net472) (< net45)) (== net8.0) (== net9.0)
      System.Collections.NonGeneric (>= 4.3) - restriction: || (&& (== net472) (< net46)) (== net8.0) (== net9.0)
      System.Globalization (>= 4.3) - restriction: || (&& (== net472) (< net46)) (== net8.0) (== net9.0)
      System.Globalization.Extensions (>= 4.3) - restriction: || (&& (== net472) (< net46)) (== net8.0) (== net9.0)
      System.Resources.ResourceManager (>= 4.3) - restriction: || (&& (== net472) (< net46)) (== net8.0) (== net9.0)
      System.Runtime (>= 4.3) - restriction: || (&& (== net472) (< net46)) (== net8.0) (== net9.0)
      System.Runtime.Extensions (>= 4.3) - restriction: || (&& (== net472) (< net46)) (== net8.0) (== net9.0)
      System.Threading (>= 4.3) - restriction: || (&& (== net472) (< net46)) (== net8.0) (== net9.0)
    System.ComponentModel (4.3) - restriction: || (&& (== net472) (< net45)) (== net8.0) (== net9.0)
      System.Runtime (>= 4.3) - restriction: || (&& (== net472) (< net45)) (== net8.0) (== net9.0)
    System.ComponentModel.Annotations (5.0) - restriction: || (== net472) (&& (== net8.0) (>= net462)) (&& (== net8.0) (< net6.0)) (&& (== net9.0) (>= net462)) (&& (== net9.0) (< net6.0))
    System.ComponentModel.Primitives (4.3) - restriction: || (&& (== net472) (< net45)) (&& (== net472) (< netstandard1.0) (>= win8)) (&& (== net472) (>= wp8)) (&& (== net472) (>= wpa81)) (== net8.0) (== net9.0)
      System.ComponentModel (>= 4.3) - restriction: || (&& (== net472) (< net45)) (== net8.0) (== net9.0)
      System.Resources.ResourceManager (>= 4.3) - restriction: || (&& (== net472) (< net45)) (== net8.0) (== net9.0)
      System.Runtime (>= 4.3) - restriction: || (&& (== net472) (< net45)) (== net8.0) (== net9.0)
    System.ComponentModel.TypeConverter (4.3) - restriction: || (&& (== net472) (< net45)) (== net8.0) (== net9.0)
      System.Collections (>= 4.3) - restriction: || (&& (== net472) (< net45)) (== net8.0) (== net9.0)
      System.Collections.NonGeneric (>= 4.3)
      System.Collections.Specialized (>= 4.3) - restriction: || (&& (== net472) (< net45)) (== net8.0) (== net9.0)
      System.ComponentModel (>= 4.3) - restriction: || (&& (== net472) (< net45)) (== net8.0) (== net9.0)
      System.ComponentModel.Primitives (>= 4.3)
      System.Globalization (>= 4.3) - restriction: || (&& (== net472) (< net45)) (== net8.0) (== net9.0)
      System.Linq (>= 4.3) - restriction: || (&& (== net472) (< net45)) (== net8.0) (== net9.0)
      System.Reflection (>= 4.3) - restriction: || (&& (== net472) (< net45)) (== net8.0) (== net9.0)
      System.Reflection.Extensions (>= 4.3) - restriction: || (&& (== net472) (< net45)) (== net8.0) (== net9.0)
      System.Reflection.Primitives (>= 4.3) - restriction: || (&& (== net472) (< net45)) (== net8.0) (== net9.0)
      System.Reflection.TypeExtensions (>= 4.3) - restriction: || (&& (== net472) (< net45)) (== net8.0) (== net9.0)
      System.Resources.ResourceManager (>= 4.3) - restriction: || (&& (== net472) (< net45)) (== net8.0) (== net9.0)
      System.Runtime (>= 4.3) - restriction: || (&& (== net472) (< net45)) (== net8.0) (== net9.0)
      System.Runtime.Extensions (>= 4.3) - restriction: || (&& (== net472) (< net45)) (== net8.0) (== net9.0)
      System.Threading (>= 4.3) - restriction: || (&& (== net472) (< net45)) (== net8.0) (== net9.0)
    System.Configuration.ConfigurationManager (8.0.1) - restriction: || (&& (== net472) (>= net8.0)) (== net8.0) (== net9.0)
      System.Diagnostics.EventLog (>= 8.0.1) - restriction: || (&& (== net472) (>= net7.0)) (== net8.0) (== net9.0)
      System.Security.Cryptography.ProtectedData (>= 8.0) - restriction: || (&& (== net472) (< net462)) (&& (== net472) (>= net6.0)) (== net8.0) (== net9.0)
    System.Diagnostics.Debug (4.3) - restriction: || (&& (== net472) (< net45)) (== net8.0) (== net9.0)
      Microsoft.NETCore.Platforms (>= 1.1) - restriction: || (&& (== net472) (< net45)) (== net8.0) (== net9.0)
      Microsoft.NETCore.Targets (>= 1.1) - restriction: || (&& (== net472) (< net45)) (== net8.0) (== net9.0)
      System.Runtime (>= 4.3) - restriction: || (&& (== net472) (< net45)) (== net8.0) (== net9.0)
    System.Diagnostics.DiagnosticSource (8.0.1)
      System.Memory (>= 4.5.5) - restriction: || (== net472) (&& (== net8.0) (>= net462)) (&& (== net8.0) (< net6.0)) (&& (== net9.0) (>= net462)) (&& (== net9.0) (< net6.0))
      System.Runtime.CompilerServices.Unsafe (>= 6.0) - restriction: || (== net472) (&& (== net8.0) (>= net462)) (&& (== net8.0) (< net6.0)) (&& (== net8.0) (< net7.0)) (&& (== net9.0) (>= net462)) (&& (== net9.0) (< net6.0)) (&& (== net9.0) (< net7.0))
    System.Diagnostics.EventLog (8.0.1) - restriction: || (&& (== net472) (>= net6.0)) (&& (== net472) (>= net8.0)) (== net8.0) (== net9.0)
    System.Diagnostics.Process (4.3) - restriction: || (&& (== net472) (< net452)) (== net8.0) (== net9.0)
      Microsoft.NETCore.Platforms (>= 1.1) - restriction: || (&& (== net472) (< net46)) (== net8.0) (== net9.0)
      Microsoft.Win32.Primitives (>= 4.3) - restriction: || (&& (== net472) (< net46)) (== net8.0) (== net9.0)
      Microsoft.Win32.Registry (>= 4.3) - restriction: || (&& (== net472) (< net46)) (== net8.0) (== net9.0)
      runtime.native.System (>= 4.3) - restriction: || (&& (== net472) (< net46)) (== net8.0) (== net9.0)
      System.Collections (>= 4.3) - restriction: || (&& (== net472) (< net46)) (== net8.0) (== net9.0)
      System.Diagnostics.Debug (>= 4.3) - restriction: || (&& (== net472) (< net46)) (== net8.0) (== net9.0)
      System.Globalization (>= 4.3) - restriction: || (&& (== net472) (< net46)) (== net8.0) (== net9.0)
      System.IO (>= 4.3) - restriction: || (&& (== net472) (< net46)) (== net8.0) (== net9.0)
      System.IO.FileSystem (>= 4.3) - restriction: || (&& (== net472) (< net46)) (== net8.0) (== net9.0)
      System.IO.FileSystem.Primitives (>= 4.3) - restriction: || (&& (== net472) (< net46)) (== net8.0) (== net9.0)
      System.Resources.ResourceManager (>= 4.3) - restriction: || (&& (== net472) (< net46)) (== net8.0) (== net9.0)
      System.Runtime (>= 4.3) - restriction: || (&& (== net472) (< net46)) (== net8.0) (== net9.0)
      System.Runtime.Extensions (>= 4.3) - restriction: || (&& (== net472) (< net46)) (== net8.0) (== net9.0)
      System.Runtime.Handles (>= 4.3) - restriction: || (&& (== net472) (< net46)) (== net8.0) (== net9.0)
      System.Runtime.InteropServices (>= 4.3) - restriction: || (&& (== net472) (< net46)) (== net8.0) (== net9.0)
      System.Text.Encoding (>= 4.3) - restriction: || (&& (== net472) (< net46)) (== net8.0) (== net9.0)
      System.Text.Encoding.Extensions (>= 4.3) - restriction: || (&& (== net472) (< net46)) (== net8.0) (== net9.0)
      System.Threading (>= 4.3) - restriction: || (&& (== net472) (< net46)) (== net8.0) (== net9.0)
      System.Threading.Tasks (>= 4.3) - restriction: || (&& (== net472) (< net46)) (== net8.0) (== net9.0)
      System.Threading.Thread (>= 4.3) - restriction: || (&& (== net472) (< net46)) (== net8.0) (== net9.0)
      System.Threading.ThreadPool (>= 4.3) - restriction: || (&& (== net472) (< net46)) (== net8.0) (== net9.0)
    System.Diagnostics.Tools (4.3) - restriction: || (&& (== net472) (< net45)) (== net8.0) (== net9.0)
      Microsoft.NETCore.Platforms (>= 1.1) - restriction: || (&& (== net472) (< net45)) (== net8.0) (== net9.0)
      Microsoft.NETCore.Targets (>= 1.1) - restriction: || (&& (== net472) (< net45)) (== net8.0) (== net9.0)
      System.Runtime (>= 4.3) - restriction: || (&& (== net472) (< net45)) (== net8.0) (== net9.0)
    System.Diagnostics.TraceSource (4.3) - restriction: || (&& (== net472) (< net462)) (&& (== net472) (>= net6.0)) (== net8.0) (== net9.0)
      Microsoft.NETCore.Platforms (>= 1.1) - restriction: || (&& (== net472) (< net46)) (== net8.0) (== net9.0)
      runtime.native.System (>= 4.3) - restriction: || (&& (== net472) (< net46)) (== net8.0) (== net9.0)
      System.Collections (>= 4.3) - restriction: || (&& (== net472) (< net46)) (== net8.0) (== net9.0)
      System.Diagnostics.Debug (>= 4.3) - restriction: || (&& (== net472) (< net46)) (== net8.0) (== net9.0)
      System.Globalization (>= 4.3) - restriction: || (&& (== net472) (< net46)) (== net8.0) (== net9.0)
      System.Resources.ResourceManager (>= 4.3) - restriction: || (&& (== net472) (< net46)) (== net8.0) (== net9.0)
      System.Runtime (>= 4.3) - restriction: || (&& (== net472) (< net46)) (== net8.0) (== net9.0)
      System.Runtime.Extensions (>= 4.3) - restriction: || (&& (== net472) (< net46)) (== net8.0) (== net9.0)
      System.Threading (>= 4.3) - restriction: || (&& (== net472) (< net46)) (== net8.0) (== net9.0)
    System.Diagnostics.Tracing (4.3) - restriction: || (&& (== net472) (< net45)) (== net8.0) (== net9.0)
      Microsoft.NETCore.Platforms (>= 1.1) - restriction: || (&& (== net472) (< net45)) (== net8.0) (== net9.0)
      Microsoft.NETCore.Targets (>= 1.1) - restriction: || (&& (== net472) (< net45)) (== net8.0) (== net9.0)
      System.Runtime (>= 4.3) - restriction: || (&& (== net472) (< net45)) (== net8.0) (== net9.0)
    System.Dynamic.Runtime (4.3) - restriction: || (&& (== net472) (< net45)) (== net8.0) (== net9.0)
      System.Collections (>= 4.3) - restriction: || (&& (== net472) (< net45)) (== net8.0) (== net9.0)
      System.Diagnostics.Debug (>= 4.3) - restriction: || (&& (== net472) (< net45)) (== net8.0) (== net9.0)
      System.Linq (>= 4.3) - restriction: || (&& (== net472) (< net45)) (== net8.0) (== net9.0)
      System.Linq.Expressions (>= 4.3) - restriction: || (&& (== net472) (< net45)) (== net8.0) (== net9.0)
      System.ObjectModel (>= 4.3) - restriction: || (&& (== net472) (< net45)) (== net8.0) (== net9.0)
      System.Reflection (>= 4.3) - restriction: || (&& (== net472) (< net45)) (== net8.0) (== net9.0)
      System.Reflection.Emit (>= 4.3) - restriction: || (&& (== net472) (< net45)) (== net8.0) (== net9.0)
      System.Reflection.Emit.ILGeneration (>= 4.3) - restriction: || (&& (== net472) (< net45)) (== net8.0) (== net9.0)
      System.Reflection.Primitives (>= 4.3) - restriction: || (&& (== net472) (< net45)) (== net8.0) (== net9.0)
      System.Reflection.TypeExtensions (>= 4.3) - restriction: || (&& (== net472) (< net45)) (== net8.0) (== net9.0)
      System.Resources.ResourceManager (>= 4.3) - restriction: || (&& (== net472) (< net45)) (== net8.0) (== net9.0)
      System.Runtime (>= 4.3) - restriction: || (&& (== net472) (< net45)) (== net8.0) (== net9.0)
      System.Runtime.Extensions (>= 4.3) - restriction: || (&& (== net472) (< net45)) (== net8.0) (== net9.0)
      System.Threading (>= 4.3) - restriction: || (&& (== net472) (< net45)) (== net8.0) (== net9.0)
    System.Formats.Asn1 (8.0.1) - restriction: || (&& (== net472) (>= netcoreapp3.0)) (== net8.0) (== net9.0)
    System.Globalization (4.3) - restriction: || (&& (== net472) (< net45)) (== net8.0) (== net9.0)
      Microsoft.NETCore.Platforms (>= 1.1) - restriction: || (&& (== net472) (< net45)) (== net8.0) (== net9.0)
      Microsoft.NETCore.Targets (>= 1.1) - restriction: || (&& (== net472) (< net45)) (== net8.0) (== net9.0)
      System.Runtime (>= 4.3) - restriction: || (&& (== net472) (< net45)) (== net8.0) (== net9.0)
    System.Globalization.Calendars (4.3) - restriction: || (&& (== net472) (< net46)) (== net8.0) (== net9.0)
      Microsoft.NETCore.Platforms (>= 1.1) - restriction: || (&& (== net472) (< net46)) (== net8.0) (== net9.0)
      Microsoft.NETCore.Targets (>= 1.1) - restriction: || (&& (== net472) (< net46)) (== net8.0) (== net9.0)
      System.Globalization (>= 4.3) - restriction: || (&& (== net472) (< net46)) (== net8.0) (== net9.0)
      System.Runtime (>= 4.3) - restriction: || (&& (== net472) (< net46)) (== net8.0) (== net9.0)
    System.Globalization.Extensions (4.3) - restriction: || (&& (== net472) (< net45)) (== net8.0) (== net9.0)
      Microsoft.NETCore.Platforms (>= 1.1) - restriction: || (&& (== net472) (< net46)) (== net8.0) (== net9.0)
      System.Globalization (>= 4.3) - restriction: || (&& (== net472) (< net46)) (== net8.0) (== net9.0)
      System.Resources.ResourceManager (>= 4.3) - restriction: || (&& (== net472) (< net46)) (== net8.0) (== net9.0)
      System.Runtime (>= 4.3) - restriction: || (&& (== net472) (< net46)) (== net8.0) (== net9.0)
      System.Runtime.Extensions (>= 4.3) - restriction: || (&& (== net472) (< net46)) (== net8.0) (== net9.0)
      System.Runtime.InteropServices (>= 4.3) - restriction: || (&& (== net472) (< net46)) (== net8.0) (== net9.0)
    System.IdentityModel.Tokens.Jwt (8.2) - restriction: || (&& (== net472) (>= net6.0)) (== net8.0) (== net9.0)
      Microsoft.IdentityModel.JsonWebTokens (>= 8.2)
      Microsoft.IdentityModel.Tokens (>= 8.2)
    System.IO (4.3)
      Microsoft.NETCore.Platforms (>= 1.1) - restriction: || (&& (== net472) (< net45)) (== net8.0) (== net9.0)
      Microsoft.NETCore.Targets (>= 1.1) - restriction: || (&& (== net472) (< net45)) (== net8.0) (== net9.0)
      System.Runtime (>= 4.3) - restriction: || (&& (== net472) (< net45)) (== net8.0) (== net9.0)
      System.Text.Encoding (>= 4.3) - restriction: || (&& (== net472) (< net45)) (== net8.0) (== net9.0)
      System.Threading.Tasks (>= 4.3) - restriction: || (&& (== net472) (< net45)) (== net8.0) (== net9.0)
    System.IO.Compression (4.3)
      Microsoft.NETCore.Platforms (>= 1.1) - restriction: || (&& (== net472) (< net45)) (== net8.0) (== net9.0)
      runtime.native.System (>= 4.3) - restriction: || (&& (== net472) (< net45)) (== net8.0) (== net9.0)
      runtime.native.System.IO.Compression (>= 4.3) - restriction: || (&& (== net472) (< net45)) (== net8.0) (== net9.0)
      System.Buffers (>= 4.3) - restriction: || (&& (== net472) (< net45)) (== net8.0) (== net9.0)
      System.Collections (>= 4.3) - restriction: || (&& (== net472) (< net45)) (== net8.0) (== net9.0)
      System.Diagnostics.Debug (>= 4.3) - restriction: || (&& (== net472) (< net45)) (== net8.0) (== net9.0)
      System.IO (>= 4.3) - restriction: || (&& (== net472) (< net45)) (== net8.0) (== net9.0)
      System.Resources.ResourceManager (>= 4.3) - restriction: || (&& (== net472) (< net45)) (== net8.0) (== net9.0)
      System.Runtime (>= 4.3) - restriction: || (&& (== net472) (< net45)) (== net8.0) (== net9.0)
      System.Runtime.Extensions (>= 4.3) - restriction: || (&& (== net472) (< net45)) (== net8.0) (== net9.0)
      System.Runtime.Handles (>= 4.3) - restriction: || (&& (== net472) (< net45)) (== net8.0) (== net9.0)
      System.Runtime.InteropServices (>= 4.3) - restriction: || (&& (== net472) (< net45)) (== net8.0) (== net9.0)
      System.Text.Encoding (>= 4.3) - restriction: || (&& (== net472) (< net45)) (== net8.0) (== net9.0)
      System.Threading (>= 4.3) - restriction: || (&& (== net472) (< net45)) (== net8.0) (== net9.0)
      System.Threading.Tasks (>= 4.3) - restriction: || (&& (== net472) (< net45)) (== net8.0) (== net9.0)
    System.IO.FileSystem (4.3) - restriction: || (&& (== net472) (< net45)) (== net8.0) (== net9.0)
      Microsoft.NETCore.Platforms (>= 1.1) - restriction: || (&& (== net472) (< net46)) (== net8.0) (== net9.0)
      Microsoft.NETCore.Targets (>= 1.1) - restriction: || (&& (== net472) (< net46)) (== net8.0) (== net9.0)
      System.IO (>= 4.3) - restriction: || (&& (== net472) (< net46)) (== net8.0) (== net9.0)
      System.IO.FileSystem.Primitives (>= 4.3)
      System.Runtime (>= 4.3) - restriction: || (&& (== net472) (< net46)) (== net8.0) (== net9.0)
      System.Runtime.Handles (>= 4.3) - restriction: || (&& (== net472) (< net46)) (== net8.0) (== net9.0)
      System.Text.Encoding (>= 4.3) - restriction: || (&& (== net472) (< net46)) (== net8.0) (== net9.0)
      System.Threading.Tasks (>= 4.3) - restriction: || (&& (== net472) (< net46)) (== net8.0) (== net9.0)
    System.IO.FileSystem.Primitives (4.3) - restriction: || (&& (== net472) (< net452)) (== net8.0) (== net9.0)
      System.Runtime (>= 4.3) - restriction: || (&& (== net472) (< net46)) (== net8.0) (== net9.0)
    System.IO.Packaging (9.0)
    System.Linq (4.3) - restriction: || (&& (== net472) (< net45)) (== net8.0) (== net9.0)
      System.Collections (>= 4.3) - restriction: || (&& (== net472) (< net45)) (== net8.0) (== net9.0)
      System.Diagnostics.Debug (>= 4.3) - restriction: || (&& (== net472) (< net45)) (== net8.0) (== net9.0)
      System.Resources.ResourceManager (>= 4.3) - restriction: || (&& (== net472) (< net45)) (== net8.0) (== net9.0)
      System.Runtime (>= 4.3) - restriction: || (&& (== net472) (< net45)) (== net8.0) (== net9.0)
      System.Runtime.Extensions (>= 4.3) - restriction: || (&& (== net472) (< net45)) (== net8.0) (== net9.0)
    System.Linq.Expressions (4.3) - restriction: || (&& (== net472) (< net45)) (== net8.0) (== net9.0)
      System.Collections (>= 4.3) - restriction: || (&& (== net472) (< net45)) (== net8.0) (== net9.0)
      System.Diagnostics.Debug (>= 4.3) - restriction: || (&& (== net472) (< net45)) (== net8.0) (== net9.0)
      System.Globalization (>= 4.3) - restriction: || (&& (== net472) (< net45)) (== net8.0) (== net9.0)
      System.IO (>= 4.3) - restriction: || (&& (== net472) (< net45)) (== net8.0) (== net9.0)
      System.Linq (>= 4.3) - restriction: || (&& (== net472) (< net45)) (== net8.0) (== net9.0)
      System.ObjectModel (>= 4.3) - restriction: || (&& (== net472) (< net45)) (== net8.0) (== net9.0)
      System.Reflection (>= 4.3) - restriction: || (&& (== net472) (< net45)) (== net8.0) (== net9.0)
      System.Reflection.Emit (>= 4.3) - restriction: || (&& (== net472) (< net45)) (== net8.0) (== net9.0)
      System.Reflection.Emit.ILGeneration (>= 4.3) - restriction: || (&& (== net472) (< net45)) (== net8.0) (== net9.0)
      System.Reflection.Emit.Lightweight (>= 4.3) - restriction: || (&& (== net472) (< net45)) (== net8.0) (== net9.0)
      System.Reflection.Extensions (>= 4.3) - restriction: || (&& (== net472) (< net45)) (== net8.0) (== net9.0)
      System.Reflection.Primitives (>= 4.3) - restriction: || (&& (== net472) (< net45)) (== net8.0) (== net9.0)
      System.Reflection.TypeExtensions (>= 4.3) - restriction: || (&& (== net472) (< net45)) (== net8.0) (== net9.0)
      System.Resources.ResourceManager (>= 4.3) - restriction: || (&& (== net472) (< net45)) (== net8.0) (== net9.0)
      System.Runtime (>= 4.3) - restriction: || (&& (== net472) (< net45)) (== net8.0) (== net9.0)
      System.Runtime.Extensions (>= 4.3) - restriction: || (&& (== net472) (< net45)) (== net8.0) (== net9.0)
      System.Threading (>= 4.3) - restriction: || (&& (== net472) (< net45)) (== net8.0) (== net9.0)
    System.Memory (4.5.5)
      System.Buffers (>= 4.5.1) - restriction: || (== net472) (&& (== net8.0) (>= monotouch)) (&& (== net8.0) (>= net461)) (&& (== net8.0) (< netcoreapp2.0)) (&& (== net8.0) (< netstandard1.1)) (&& (== net8.0) (< netstandard2.0)) (&& (== net8.0) (>= xamarinios)) (&& (== net8.0) (>= xamarinmac)) (&& (== net8.0) (>= xamarintvos)) (&& (== net8.0) (>= xamarinwatchos)) (&& (== net9.0) (>= monotouch)) (&& (== net9.0) (>= net461)) (&& (== net9.0) (< netcoreapp2.0)) (&& (== net9.0) (< netstandard1.1)) (&& (== net9.0) (< netstandard2.0)) (&& (== net9.0) (>= xamarinios)) (&& (== net9.0) (>= xamarinmac)) (&& (== net9.0) (>= xamarintvos)) (&& (== net9.0) (>= xamarinwatchos))
      System.Numerics.Vectors (>= 4.5) - restriction: || (== net472) (&& (== net8.0) (>= net461)) (&& (== net9.0) (>= net461))
      System.Runtime.CompilerServices.Unsafe (>= 4.5.3) - restriction: || (== net472) (&& (== net8.0) (>= monotouch)) (&& (== net8.0) (>= net461)) (&& (== net8.0) (< netcoreapp2.0)) (&& (== net8.0) (< netcoreapp2.1)) (&& (== net8.0) (< netstandard1.1)) (&& (== net8.0) (< netstandard2.0)) (&& (== net8.0) (>= uap10.1)) (&& (== net8.0) (>= xamarinios)) (&& (== net8.0) (>= xamarinmac)) (&& (== net8.0) (>= xamarintvos)) (&& (== net8.0) (>= xamarinwatchos)) (&& (== net9.0) (>= monotouch)) (&& (== net9.0) (>= net461)) (&& (== net9.0) (< netcoreapp2.0)) (&& (== net9.0) (< netcoreapp2.1)) (&& (== net9.0) (< netstandard1.1)) (&& (== net9.0) (< netstandard2.0)) (&& (== net9.0) (>= uap10.1)) (&& (== net9.0) (>= xamarinios)) (&& (== net9.0) (>= xamarinmac)) (&& (== net9.0) (>= xamarintvos)) (&& (== net9.0) (>= xamarinwatchos))
    System.Memory.Data (8.0.1) - restriction: || (&& (== net472) (>= net6.0)) (== net8.0) (== net9.0)
    System.Net.Http (4.3.4)
      Microsoft.NETCore.Platforms (>= 1.1.1) - restriction: || (&& (== net472) (< net45)) (== net8.0) (== net9.0)
      runtime.native.System (>= 4.3) - restriction: || (&& (== net472) (< net45)) (== net8.0) (== net9.0)
      runtime.native.System.Net.Http (>= 4.3) - restriction: || (&& (== net472) (< net45)) (== net8.0) (== net9.0)
      runtime.native.System.Security.Cryptography.OpenSsl (>= 4.3.2) - restriction: || (&& (== net472) (< net45)) (== net8.0) (== net9.0)
      System.Collections (>= 4.3) - restriction: || (&& (== net472) (< net45)) (== net8.0) (== net9.0)
      System.Diagnostics.Debug (>= 4.3) - restriction: || (&& (== net472) (< net45)) (== net8.0) (== net9.0)
      System.Diagnostics.DiagnosticSource (>= 4.3) - restriction: || (&& (== net472) (< net45)) (== net8.0) (== net9.0)
      System.Diagnostics.Tracing (>= 4.3) - restriction: || (&& (== net472) (< net45)) (== net8.0) (== net9.0)
      System.Globalization (>= 4.3) - restriction: || (&& (== net472) (< net45)) (== net8.0) (== net9.0)
      System.Globalization.Extensions (>= 4.3) - restriction: || (&& (== net472) (< net45)) (== net8.0) (== net9.0)
      System.IO (>= 4.3) - restriction: || (&& (== net472) (< net45)) (== net8.0) (== net9.0)
      System.IO.FileSystem (>= 4.3) - restriction: || (&& (== net472) (< net45)) (== net8.0) (== net9.0)
      System.Net.Primitives (>= 4.3) - restriction: || (&& (== net472) (< net45)) (== net8.0) (== net9.0)
      System.Resources.ResourceManager (>= 4.3) - restriction: || (&& (== net472) (< net45)) (== net8.0) (== net9.0)
      System.Runtime (>= 4.3) - restriction: || (&& (== net472) (< net45)) (== net8.0) (== net9.0)
      System.Runtime.Extensions (>= 4.3) - restriction: || (&& (== net472) (< net45)) (== net8.0) (== net9.0)
      System.Runtime.Handles (>= 4.3) - restriction: || (&& (== net472) (< net45)) (== net8.0) (== net9.0)
      System.Runtime.InteropServices (>= 4.3) - restriction: || (&& (== net472) (< net45)) (== net8.0) (== net9.0)
      System.Security.Cryptography.Algorithms (>= 4.3) - restriction: || (&& (== net472) (< net45)) (== net8.0) (== net9.0)
      System.Security.Cryptography.Encoding (>= 4.3) - restriction: || (&& (== net472) (< net45)) (== net8.0) (== net9.0)
      System.Security.Cryptography.OpenSsl (>= 4.3) - restriction: || (&& (== net472) (< net45)) (== net8.0) (== net9.0)
      System.Security.Cryptography.Primitives (>= 4.3) - restriction: || (&& (== net472) (< net45)) (== net8.0) (== net9.0)
      System.Security.Cryptography.X509Certificates (>= 4.3)
      System.Text.Encoding (>= 4.3) - restriction: || (&& (== net472) (< net45)) (== net8.0) (== net9.0)
      System.Threading (>= 4.3) - restriction: || (&& (== net472) (< net45)) (== net8.0) (== net9.0)
      System.Threading.Tasks (>= 4.3) - restriction: || (&& (== net472) (< net45)) (== net8.0) (== net9.0)
    System.Net.Primitives (4.3.1) - restriction: || (&& (== net472) (< net45)) (== net8.0) (== net9.0)
      Microsoft.NETCore.Platforms (>= 1.1.1) - restriction: || (&& (== net472) (< net45)) (&& (== net472) (< netstandard1.1)) (== net8.0) (== net9.0)
      Microsoft.NETCore.Targets (>= 1.1.3) - restriction: || (&& (== net472) (< net45)) (&& (== net472) (< netstandard1.1)) (== net8.0) (== net9.0)
      System.Runtime (>= 4.3.1) - restriction: || (&& (== net472) (< net45)) (&& (== net472) (< netstandard1.1)) (== net8.0) (== net9.0)
      System.Runtime.Handles (>= 4.3) - restriction: || (&& (== net472) (< net45)) (== net8.0) (== net9.0)
    System.Net.Security (4.3.2)
      Microsoft.NETCore.Platforms (>= 1.1) - restriction: || (&& (== net472) (< net46)) (== net8.0) (== net9.0)
      Microsoft.Win32.Primitives (>= 4.3) - restriction: || (&& (== net472) (< net46)) (== net8.0) (== net9.0)
      runtime.native.System (>= 4.3) - restriction: || (&& (== net472) (< net46)) (== net8.0) (== net9.0)
      runtime.native.System.Net.Security (>= 4.3) - restriction: || (&& (== net472) (< net46)) (== net8.0) (== net9.0)
      runtime.native.System.Security.Cryptography.OpenSsl (>= 4.3.2) - restriction: || (&& (== net472) (< net46)) (== net8.0) (== net9.0)
      System.Collections (>= 4.3) - restriction: || (&& (== net472) (< net46)) (== net8.0) (== net9.0)
      System.Collections.Concurrent (>= 4.3) - restriction: || (&& (== net472) (< net46)) (== net8.0) (== net9.0)
      System.Diagnostics.Tracing (>= 4.3) - restriction: || (&& (== net472) (< net46)) (== net8.0) (== net9.0)
      System.Globalization (>= 4.3) - restriction: || (&& (== net472) (< net46)) (== net8.0) (== net9.0)
      System.Globalization.Extensions (>= 4.3) - restriction: || (&& (== net472) (< net46)) (== net8.0) (== net9.0)
      System.IO (>= 4.3) - restriction: || (&& (== net472) (< net46)) (== net8.0) (== net9.0)
      System.Net.Primitives (>= 4.3) - restriction: || (&& (== net472) (< net46)) (== net8.0) (== net9.0)
      System.Resources.ResourceManager (>= 4.3) - restriction: || (&& (== net472) (< net46)) (== net8.0) (== net9.0)
      System.Runtime (>= 4.3) - restriction: || (&& (== net472) (< net46)) (== net8.0) (== net9.0)
      System.Runtime.Extensions (>= 4.3) - restriction: || (&& (== net472) (< net46)) (== net8.0) (== net9.0)
      System.Runtime.Handles (>= 4.3) - restriction: || (&& (== net472) (< net46)) (== net8.0) (== net9.0)
      System.Runtime.InteropServices (>= 4.3) - restriction: || (&& (== net472) (< net46)) (== net8.0) (== net9.0)
      System.Security.Claims (>= 4.3) - restriction: || (&& (== net472) (< net46)) (== net8.0) (== net9.0)
      System.Security.Cryptography.Algorithms (>= 4.3) - restriction: || (&& (== net472) (< net46)) (== net8.0) (== net9.0)
      System.Security.Cryptography.Encoding (>= 4.3) - restriction: || (&& (== net472) (< net46)) (== net8.0) (== net9.0)
      System.Security.Cryptography.OpenSsl (>= 4.3) - restriction: || (&& (== net472) (< net46)) (== net8.0) (== net9.0)
      System.Security.Cryptography.Primitives (>= 4.3) - restriction: || (&& (== net472) (< net46)) (== net8.0) (== net9.0)
      System.Security.Cryptography.X509Certificates (>= 4.3)
      System.Security.Principal (>= 4.3) - restriction: || (&& (== net472) (< net46)) (== net8.0) (== net9.0)
      System.Text.Encoding (>= 4.3) - restriction: || (&& (== net472) (< net46)) (== net8.0) (== net9.0)
      System.Threading (>= 4.3) - restriction: || (&& (== net472) (< net46)) (== net8.0) (== net9.0)
      System.Threading.Tasks (>= 4.3) - restriction: || (&& (== net472) (< net46)) (== net8.0) (== net9.0)
      System.Threading.ThreadPool (>= 4.3) - restriction: || (&& (== net472) (< net46)) (== net8.0) (== net9.0)
    System.Numerics.Vectors (4.5)
    System.ObjectModel (4.3) - restriction: || (&& (== net472) (< net45)) (== net8.0) (== net9.0)
      System.Collections (>= 4.3) - restriction: || (&& (== net472) (< net45)) (== net8.0) (== net9.0)
      System.Diagnostics.Debug (>= 4.3) - restriction: || (&& (== net472) (< net45)) (== net8.0) (== net9.0)
      System.Resources.ResourceManager (>= 4.3) - restriction: || (&& (== net472) (< net45)) (== net8.0) (== net9.0)
      System.Runtime (>= 4.3) - restriction: || (&& (== net472) (< net45)) (== net8.0) (== net9.0)
      System.Threading (>= 4.3) - restriction: || (&& (== net472) (< net45)) (== net8.0) (== net9.0)
    System.Private.DataContractSerialization (4.3) - restriction: || (&& (== net472) (< net45)) (== net8.0) (== net9.0)
      System.Collections (>= 4.3) - restriction: || (&& (== net472) (< net46)) (== net8.0) (== net9.0)
      System.Collections.Concurrent (>= 4.3) - restriction: || (&& (== net472) (< net46)) (== net8.0) (== net9.0)
      System.Diagnostics.Debug (>= 4.3) - restriction: || (&& (== net472) (< net46)) (== net8.0) (== net9.0)
      System.Globalization (>= 4.3) - restriction: || (&& (== net472) (< net46)) (== net8.0) (== net9.0)
      System.IO (>= 4.3) - restriction: || (&& (== net472) (< net46)) (== net8.0) (== net9.0)
      System.Linq (>= 4.3) - restriction: || (&& (== net472) (< net46)) (== net8.0) (== net9.0)
      System.Reflection (>= 4.3) - restriction: || (&& (== net472) (< net46)) (== net8.0) (== net9.0)
      System.Reflection.Emit.ILGeneration (>= 4.3) - restriction: || (&& (== net472) (< net46)) (== net8.0) (== net9.0)
      System.Reflection.Emit.Lightweight (>= 4.3) - restriction: || (&& (== net472) (< net46)) (== net8.0) (== net9.0)
      System.Reflection.Extensions (>= 4.3) - restriction: || (&& (== net472) (< net46)) (== net8.0) (== net9.0)
      System.Reflection.Primitives (>= 4.3) - restriction: || (&& (== net472) (< net46)) (== net8.0) (== net9.0)
      System.Reflection.TypeExtensions (>= 4.3)
      System.Resources.ResourceManager (>= 4.3) - restriction: || (&& (== net472) (< net46)) (== net8.0) (== net9.0)
      System.Runtime (>= 4.3) - restriction: || (&& (== net472) (< net46)) (== net8.0) (== net9.0)
      System.Runtime.Extensions (>= 4.3) - restriction: || (&& (== net472) (< net46)) (== net8.0) (== net9.0)
      System.Runtime.Serialization.Primitives (>= 4.3)
      System.Text.Encoding (>= 4.3) - restriction: || (&& (== net472) (< net46)) (== net8.0) (== net9.0)
      System.Text.Encoding.Extensions (>= 4.3) - restriction: || (&& (== net472) (< net46)) (== net8.0) (== net9.0)
      System.Text.RegularExpressions (>= 4.3) - restriction: || (&& (== net472) (< net46)) (== net8.0) (== net9.0)
      System.Threading (>= 4.3) - restriction: || (&& (== net472) (< net46)) (== net8.0) (== net9.0)
      System.Threading.Tasks (>= 4.3) - restriction: || (&& (== net472) (< net46)) (== net8.0) (== net9.0)
      System.Xml.ReaderWriter (>= 4.3) - restriction: || (&& (== net472) (< net46)) (== net8.0) (== net9.0)
      System.Xml.XDocument (>= 4.3) - restriction: || (&& (== net472) (< net46)) (== net8.0) (== net9.0)
      System.Xml.XmlDocument (>= 4.3)
      System.Xml.XmlSerializer (>= 4.3) - restriction: || (&& (== net472) (< net46)) (== net8.0) (== net9.0)
    System.Private.Uri (4.3.2)
      Microsoft.NETCore.Platforms (>= 1.1.1)
      Microsoft.NETCore.Targets (>= 1.1.3)
    System.Reflection (4.3) - restriction: || (&& (== net472) (< net45)) (== net8.0) (== net9.0)
      Microsoft.NETCore.Platforms (>= 1.1) - restriction: || (&& (== net472) (< net45)) (== net8.0) (== net9.0)
      Microsoft.NETCore.Targets (>= 1.1) - restriction: || (&& (== net472) (< net45)) (== net8.0) (== net9.0)
      System.IO (>= 4.3) - restriction: || (&& (== net472) (< net45)) (== net8.0) (== net9.0)
      System.Reflection.Primitives (>= 4.3) - restriction: || (&& (== net472) (< net45)) (== net8.0) (== net9.0)
      System.Runtime (>= 4.3) - restriction: || (&& (== net472) (< net45)) (== net8.0) (== net9.0)
    System.Reflection.Emit (4.7) - restriction: || (&& (== net472) (< net45)) (== net8.0) (== net9.0)
    System.Reflection.Emit.ILGeneration (4.7) - restriction: || (&& (== net472) (< net45)) (== net8.0) (== net9.0)
    System.Reflection.Emit.Lightweight (4.7) - restriction: || (&& (== net472) (< net45)) (== net8.0) (== net9.0)
    System.Reflection.Extensions (4.3) - restriction: || (&& (== net472) (< net45)) (== net8.0) (== net9.0)
      Microsoft.NETCore.Platforms (>= 1.1) - restriction: || (&& (== net472) (< net45)) (== net8.0) (== net9.0)
      Microsoft.NETCore.Targets (>= 1.1) - restriction: || (&& (== net472) (< net45)) (== net8.0) (== net9.0)
      System.Reflection (>= 4.3) - restriction: || (&& (== net472) (< net45)) (== net8.0) (== net9.0)
      System.Runtime (>= 4.3) - restriction: || (&& (== net472) (< net45)) (== net8.0) (== net9.0)
    System.Reflection.Primitives (4.3) - restriction: || (&& (== net472) (< net45)) (&& (== net472) (>= netcoreapp1.1)) (== net8.0) (== net9.0)
      Microsoft.NETCore.Platforms (>= 1.1) - restriction: || (&& (== net472) (< net45)) (== net8.0) (== net9.0)
      Microsoft.NETCore.Targets (>= 1.1) - restriction: || (&& (== net472) (< net45)) (== net8.0) (== net9.0)
      System.Runtime (>= 4.3) - restriction: || (&& (== net472) (< net45)) (== net8.0) (== net9.0)
    System.Reflection.TypeExtensions (4.7) - restriction: || (&& (== net472) (< net45)) (== net8.0) (== net9.0)
    System.Resources.ResourceManager (4.3) - restriction: || (&& (== net472) (< net45)) (== net8.0) (== net9.0)
      Microsoft.NETCore.Platforms (>= 1.1) - restriction: || (&& (== net472) (< net45)) (== net8.0) (== net9.0)
      Microsoft.NETCore.Targets (>= 1.1) - restriction: || (&& (== net472) (< net45)) (== net8.0) (== net9.0)
      System.Globalization (>= 4.3) - restriction: || (&& (== net472) (< net45)) (== net8.0) (== net9.0)
      System.Reflection (>= 4.3) - restriction: || (&& (== net472) (< net45)) (== net8.0) (== net9.0)
      System.Runtime (>= 4.3) - restriction: || (&& (== net472) (< net45)) (== net8.0) (== net9.0)
    System.Runtime (4.3.1)
      Microsoft.NETCore.Platforms (>= 1.1.1) - restriction: || (&& (== net472) (< net45)) (== net8.0) (== net9.0)
      Microsoft.NETCore.Targets (>= 1.1.3) - restriction: || (&& (== net472) (< net45)) (== net8.0) (== net9.0)
    System.Runtime.Caching (8.0.1) - restriction: || (&& (== net472) (>= net8.0)) (== net8.0) (== net9.0)
      System.Configuration.ConfigurationManager (>= 8.0.1)
    System.Runtime.CompilerServices.Unsafe (6.0) - restriction: || (== net472) (&& (== net8.0) (>= net48)) (&& (== net8.0) (< netstandard2.1)) (&& (== net9.0) (>= net48)) (&& (== net9.0) (< netstandard2.1))
    System.Runtime.Extensions (4.3.1) - restriction: || (&& (== net472) (< net45)) (== net8.0) (== net9.0)
      Microsoft.NETCore.Platforms (>= 1.1.1) - restriction: || (&& (== net472) (< net45)) (== net8.0) (== net9.0)
      Microsoft.NETCore.Targets (>= 1.1.3) - restriction: || (&& (== net472) (< net45)) (== net8.0) (== net9.0)
      System.Runtime (>= 4.3.1) - restriction: || (&& (== net472) (< net45)) (== net8.0) (== net9.0)
    System.Runtime.Handles (4.3) - restriction: || (&& (== net472) (< net45)) (== net8.0) (== net9.0)
      Microsoft.NETCore.Platforms (>= 1.1) - restriction: || (&& (== net472) (< net46)) (== net8.0) (== net9.0)
      Microsoft.NETCore.Targets (>= 1.1) - restriction: || (&& (== net472) (< net46)) (== net8.0) (== net9.0)
      System.Runtime (>= 4.3) - restriction: || (&& (== net472) (< net46)) (== net8.0) (== net9.0)
    System.Runtime.InteropServices (4.3) - restriction: || (&& (== net472) (< net45)) (== net8.0) (== net9.0)
      Microsoft.NETCore.Platforms (>= 1.1) - restriction: || (&& (== net472) (< net45)) (&& (== net472) (>= netcoreapp1.1)) (== net8.0) (== net9.0)
      Microsoft.NETCore.Targets (>= 1.1) - restriction: || (&& (== net472) (< net45)) (&& (== net472) (>= netcoreapp1.1)) (== net8.0) (== net9.0)
      System.Reflection (>= 4.3) - restriction: || (&& (== net472) (< net45)) (&& (== net472) (>= netcoreapp1.1)) (== net8.0) (== net9.0)
      System.Reflection.Primitives (>= 4.3) - restriction: || (&& (== net472) (< net45)) (&& (== net472) (>= netcoreapp1.1)) (== net8.0) (== net9.0)
      System.Runtime (>= 4.3)
      System.Runtime.Handles (>= 4.3) - restriction: || (&& (== net472) (< net45)) (&& (== net472) (>= netcoreapp1.1)) (== net8.0) (== net9.0)
    System.Runtime.Numerics (4.3) - restriction: || (&& (== net472) (< net46)) (== net8.0) (== net9.0)
      System.Globalization (>= 4.3) - restriction: || (&& (== net472) (< net45)) (== net8.0) (== net9.0)
      System.Resources.ResourceManager (>= 4.3) - restriction: || (&& (== net472) (< net45)) (== net8.0) (== net9.0)
      System.Runtime (>= 4.3) - restriction: || (&& (== net472) (< net45)) (== net8.0) (== net9.0)
      System.Runtime.Extensions (>= 4.3) - restriction: || (&& (== net472) (< net45)) (== net8.0) (== net9.0)
    System.Runtime.Serialization.Formatters (4.3) - restriction: || (&& (== net472) (< net45)) (== net8.0) (== net9.0)
      System.Collections (>= 4.3) - restriction: || (&& (== net472) (< net46)) (== net8.0) (== net9.0)
      System.Reflection (>= 4.3) - restriction: || (&& (== net472) (< net46)) (== net8.0) (== net9.0)
      System.Resources.ResourceManager (>= 4.3) - restriction: || (&& (== net472) (< net46)) (== net8.0) (== net9.0)
      System.Runtime (>= 4.3) - restriction: || (&& (== net472) (< net46)) (== net8.0) (== net9.0)
      System.Runtime.Serialization.Primitives (>= 4.3)
    System.Runtime.Serialization.Json (4.3) - restriction: || (&& (== net472) (< net45)) (== net8.0) (== net9.0)
      System.IO (>= 4.3) - restriction: || (&& (== net472) (< net45)) (== net8.0) (== net9.0)
      System.Private.DataContractSerialization (>= 4.3) - restriction: || (&& (== net472) (< net45)) (== net8.0) (== net9.0)
      System.Runtime (>= 4.3) - restriction: || (&& (== net472) (< net45)) (== net8.0) (== net9.0)
    System.Runtime.Serialization.Primitives (4.3) - restriction: || (&& (== net472) (< net45)) (== net8.0) (== net9.0)
      System.Resources.ResourceManager (>= 4.3) - restriction: || (&& (== net472) (< net45)) (== net8.0) (== net9.0)
      System.Runtime (>= 4.3) - restriction: || (&& (== net472) (< net45)) (== net8.0) (== net9.0)
    System.Security.AccessControl (6.0.1) - restriction: || (&& (== net472) (>= monoandroid) (< netstandard1.3)) (&& (== net472) (>= monotouch)) (&& (== net472) (< net452)) (&& (== net472) (>= netcoreapp2.0)) (&& (== net472) (>= netcoreapp2.1)) (&& (== net472) (>= uap10.1)) (&& (== net472) (>= xamarinios)) (&& (== net472) (>= xamarinmac)) (&& (== net472) (>= xamarintvos)) (&& (== net472) (>= xamarinwatchos)) (== net8.0) (== net9.0)
    System.Security.Claims (4.3) - restriction: || (&& (== net472) (< net46)) (== net8.0) (== net9.0)
      System.Collections (>= 4.3) - restriction: || (&& (== net472) (< net46)) (== net8.0) (== net9.0)
      System.Globalization (>= 4.3) - restriction: || (&& (== net472) (< net46)) (== net8.0) (== net9.0)
      System.IO (>= 4.3) - restriction: || (&& (== net472) (< net46)) (== net8.0) (== net9.0)
      System.Resources.ResourceManager (>= 4.3) - restriction: || (&& (== net472) (< net46)) (== net8.0) (== net9.0)
      System.Runtime (>= 4.3) - restriction: || (&& (== net472) (< net46)) (== net8.0) (== net9.0)
      System.Runtime.Extensions (>= 4.3) - restriction: || (&& (== net472) (< net46)) (== net8.0) (== net9.0)
      System.Security.Principal (>= 4.3) - restriction: || (&& (== net472) (< net46)) (== net8.0) (== net9.0)
    System.Security.Cryptography.Algorithms (4.3.1)
      System.IO (>= 4.3)
      System.Runtime (>= 4.3)
      System.Security.Cryptography.Encoding (>= 4.3)
      System.Security.Cryptography.Primitives (>= 4.3)
    System.Security.Cryptography.Cng (5.0)
      System.Formats.Asn1 (>= 5.0) - restriction: || (&& (== net472) (>= netcoreapp3.0)) (== net8.0) (== net9.0)
      System.Security.Cryptography.Algorithms (>= 4.3.1) - restriction: || (== net472) (&& (== net8.0) (>= net47)) (&& (== net8.0) (< netstandard1.4)) (&& (== net8.0) (< netstandard1.6)) (&& (== net8.0) (< netstandard2.0)) (&& (== net9.0) (>= net47)) (&& (== net9.0) (< netstandard1.4)) (&& (== net9.0) (< netstandard1.6)) (&& (== net9.0) (< netstandard2.0))
    System.Security.Cryptography.Csp (4.3) - restriction: || (&& (== net472) (< net46)) (== net8.0) (== net9.0)
      Microsoft.NETCore.Platforms (>= 1.1) - restriction: || (&& (== net472) (< net46)) (== net8.0) (== net9.0)
      System.IO (>= 4.3) - restriction: || (&& (== net472) (< net46)) (== net8.0) (== net9.0)
      System.Reflection (>= 4.3) - restriction: || (&& (== net472) (< net46)) (== net8.0) (== net9.0)
      System.Resources.ResourceManager (>= 4.3) - restriction: || (&& (== net472) (< net46)) (== net8.0) (== net9.0)
      System.Runtime (>= 4.3) - restriction: || (&& (== net472) (< net46)) (== net8.0) (== net9.0)
      System.Runtime.Extensions (>= 4.3) - restriction: || (&& (== net472) (< net46)) (== net8.0) (== net9.0)
      System.Runtime.Handles (>= 4.3) - restriction: || (&& (== net472) (< net46)) (== net8.0) (== net9.0)
      System.Runtime.InteropServices (>= 4.3) - restriction: || (&& (== net472) (< net46)) (== net8.0) (== net9.0)
      System.Security.Cryptography.Algorithms (>= 4.3)
      System.Security.Cryptography.Encoding (>= 4.3) - restriction: || (&& (== net472) (< net46)) (== net8.0) (== net9.0)
      System.Security.Cryptography.Primitives (>= 4.3)
      System.Text.Encoding (>= 4.3) - restriction: || (&& (== net472) (< net46)) (== net8.0) (== net9.0)
      System.Threading (>= 4.3) - restriction: || (&& (== net472) (< net46)) (== net8.0) (== net9.0)
    System.Security.Cryptography.Encoding (4.3)
      Microsoft.NETCore.Platforms (>= 1.1) - restriction: || (&& (== net472) (< net46)) (== net8.0) (== net9.0)
      runtime.native.System.Security.Cryptography.OpenSsl (>= 4.3) - restriction: || (&& (== net472) (< net46)) (== net8.0) (== net9.0)
      System.Collections (>= 4.3) - restriction: || (&& (== net472) (< net46)) (== net8.0) (== net9.0)
      System.Collections.Concurrent (>= 4.3) - restriction: || (&& (== net472) (< net46)) (== net8.0) (== net9.0)
      System.Linq (>= 4.3) - restriction: || (&& (== net472) (< net46)) (== net8.0) (== net9.0)
      System.Resources.ResourceManager (>= 4.3) - restriction: || (&& (== net472) (< net46)) (== net8.0) (== net9.0)
      System.Runtime (>= 4.3) - restriction: || (&& (== net472) (< net46)) (== net8.0) (== net9.0)
      System.Runtime.Extensions (>= 4.3) - restriction: || (&& (== net472) (< net46)) (== net8.0) (== net9.0)
      System.Runtime.Handles (>= 4.3) - restriction: || (&& (== net472) (< net46)) (== net8.0) (== net9.0)
      System.Runtime.InteropServices (>= 4.3) - restriction: || (&& (== net472) (< net46)) (== net8.0) (== net9.0)
      System.Security.Cryptography.Primitives (>= 4.3) - restriction: || (&& (== net472) (< net46)) (== net8.0) (== net9.0)
      System.Text.Encoding (>= 4.3) - restriction: || (&& (== net472) (< net46)) (== net8.0) (== net9.0)
    System.Security.Cryptography.OpenSsl (5.0) - restriction: || (&& (== net472) (< net45)) (== net8.0) (== net9.0)
      System.Formats.Asn1 (>= 5.0) - restriction: || (&& (== net472) (>= netcoreapp3.0)) (== net8.0) (== net9.0)
    System.Security.Cryptography.Pkcs (8.0.1)
    System.Security.Cryptography.Primitives (4.3)
      System.Diagnostics.Debug (>= 4.3) - restriction: || (&& (== net472) (< net46)) (== net8.0) (== net9.0)
      System.Globalization (>= 4.3) - restriction: || (&& (== net472) (< net46)) (== net8.0) (== net9.0)
      System.IO (>= 4.3) - restriction: || (&& (== net472) (< net46)) (== net8.0) (== net9.0)
      System.Resources.ResourceManager (>= 4.3) - restriction: || (&& (== net472) (< net46)) (== net8.0) (== net9.0)
      System.Runtime (>= 4.3) - restriction: || (&& (== net472) (< net46)) (== net8.0) (== net9.0)
      System.Threading (>= 4.3) - restriction: || (&& (== net472) (< net46)) (== net8.0) (== net9.0)
      System.Threading.Tasks (>= 4.3) - restriction: || (&& (== net472) (< net46)) (== net8.0) (== net9.0)
    System.Security.Cryptography.ProtectedData (8.0) - restriction: || (&& (== net472) (>= net8.0)) (== net8.0) (== net9.0)
    System.Security.Cryptography.X509Certificates (4.3.2)
      Microsoft.NETCore.Platforms (>= 1.1) - restriction: || (&& (== net472) (< net46)) (== net8.0) (== net9.0)
      runtime.native.System (>= 4.3) - restriction: || (&& (== net472) (< net46)) (== net8.0) (== net9.0)
      runtime.native.System.Net.Http (>= 4.3) - restriction: || (&& (== net472) (< net46)) (== net8.0) (== net9.0)
      runtime.native.System.Security.Cryptography.OpenSsl (>= 4.3.2) - restriction: || (&& (== net472) (< net46)) (== net8.0) (== net9.0)
      System.Collections (>= 4.3) - restriction: || (&& (== net472) (< net46)) (== net8.0) (== net9.0)
      System.Diagnostics.Debug (>= 4.3) - restriction: || (&& (== net472) (< net46)) (== net8.0) (== net9.0)
      System.Globalization (>= 4.3) - restriction: || (&& (== net472) (< net46)) (== net8.0) (== net9.0)
      System.Globalization.Calendars (>= 4.3) - restriction: || (&& (== net472) (< net46)) (== net8.0) (== net9.0)
      System.IO (>= 4.3) - restriction: || (&& (== net472) (< net46)) (== net8.0) (== net9.0)
      System.IO.FileSystem (>= 4.3) - restriction: || (&& (== net472) (< net46)) (== net8.0) (== net9.0)
      System.IO.FileSystem.Primitives (>= 4.3) - restriction: || (&& (== net472) (< net46)) (== net8.0) (== net9.0)
      System.Resources.ResourceManager (>= 4.3) - restriction: || (&& (== net472) (< net46)) (== net8.0) (== net9.0)
      System.Runtime (>= 4.3) - restriction: || (&& (== net472) (< net46)) (== net8.0) (== net9.0)
      System.Runtime.Extensions (>= 4.3) - restriction: || (&& (== net472) (< net46)) (== net8.0) (== net9.0)
      System.Runtime.Handles (>= 4.3) - restriction: || (&& (== net472) (< net46)) (== net8.0) (== net9.0)
      System.Runtime.InteropServices (>= 4.3) - restriction: || (&& (== net472) (< net46)) (== net8.0) (== net9.0)
      System.Runtime.Numerics (>= 4.3) - restriction: || (&& (== net472) (< net46)) (== net8.0) (== net9.0)
      System.Security.Cryptography.Algorithms (>= 4.3)
      System.Security.Cryptography.Cng (>= 4.3) - restriction: || (&& (== net472) (< net46)) (== net8.0) (== net9.0)
      System.Security.Cryptography.Csp (>= 4.3) - restriction: || (&& (== net472) (< net46)) (== net8.0) (== net9.0)
      System.Security.Cryptography.Encoding (>= 4.3)
      System.Security.Cryptography.OpenSsl (>= 4.3) - restriction: || (&& (== net472) (< net46)) (== net8.0) (== net9.0)
      System.Security.Cryptography.Primitives (>= 4.3) - restriction: || (&& (== net472) (< net46)) (== net8.0) (== net9.0)
      System.Text.Encoding (>= 4.3) - restriction: || (&& (== net472) (< net46)) (== net8.0) (== net9.0)
      System.Threading (>= 4.3) - restriction: || (&& (== net472) (< net46)) (== net8.0) (== net9.0)
    System.Security.Principal (4.3) - restriction: || (&& (== net472) (< net46)) (== net8.0) (== net9.0)
      System.Runtime (>= 4.3) - restriction: || (&& (== net472) (< net45)) (== net8.0) (== net9.0)
    System.Security.Principal.Windows (5.0) - restriction: || (&& (== net472) (>= monoandroid) (< netstandard1.3)) (&& (== net472) (>= monotouch)) (&& (== net472) (< net452)) (&& (== net472) (>= netcoreapp2.0)) (&& (== net472) (>= netcoreapp2.1)) (&& (== net472) (>= uap10.1)) (&& (== net472) (>= xamarinios)) (&& (== net472) (>= xamarinmac)) (&& (== net472) (>= xamarintvos)) (&& (== net472) (>= xamarinwatchos)) (== net8.0) (== net9.0)
    System.Security.SecureString (4.3) - restriction: || (&& (== net472) (< net45)) (== net8.0) (== net9.0)
      Microsoft.NETCore.Platforms (>= 1.1) - restriction: || (&& (== net472) (< net46)) (== net8.0) (== net9.0)
      System.Resources.ResourceManager (>= 4.3) - restriction: || (&& (== net472) (< net46)) (== net8.0) (== net9.0)
      System.Runtime (>= 4.3) - restriction: || (&& (== net472) (< net46)) (== net8.0) (== net9.0)
      System.Runtime.Handles (>= 4.3) - restriction: || (&& (== net472) (< net46)) (== net8.0) (== net9.0)
      System.Runtime.InteropServices (>= 4.3) - restriction: || (&& (== net472) (< net46)) (== net8.0) (== net9.0)
      System.Security.Cryptography.Primitives (>= 4.3) - restriction: || (&& (== net472) (< net46)) (== net8.0) (== net9.0)
      System.Text.Encoding (>= 4.3) - restriction: || (&& (== net472) (< net46)) (== net8.0) (== net9.0)
      System.Threading (>= 4.3) - restriction: || (&& (== net472) (< net46)) (== net8.0) (== net9.0)
    System.Text.Encoding (4.3) - restriction: || (&& (== net472) (< net45)) (== net8.0) (== net9.0)
      Microsoft.NETCore.Platforms (>= 1.1) - restriction: || (&& (== net472) (< net45)) (== net8.0) (== net9.0)
      Microsoft.NETCore.Targets (>= 1.1) - restriction: || (&& (== net472) (< net45)) (== net8.0) (== net9.0)
      System.Runtime (>= 4.3) - restriction: || (&& (== net472) (< net45)) (== net8.0) (== net9.0)
    System.Text.Encoding.Extensions (4.3) - restriction: || (&& (== net472) (< net452)) (== net8.0) (== net9.0)
      Microsoft.NETCore.Platforms (>= 1.1) - restriction: || (&& (== net472) (< net45)) (== net8.0) (== net9.0)
      Microsoft.NETCore.Targets (>= 1.1) - restriction: || (&& (== net472) (< net45)) (== net8.0) (== net9.0)
      System.Runtime (>= 4.3) - restriction: || (&& (== net472) (< net45)) (== net8.0) (== net9.0)
      System.Text.Encoding (>= 4.3) - restriction: || (&& (== net472) (< net45)) (== net8.0) (== net9.0)
    System.Text.Encodings.Web (8.0) - restriction: || (&& (== net472) (>= net6.0)) (== net8.0) (== net9.0)
    System.Text.Json (8.0.5) - restriction: || (&& (== net472) (>= net6.0)) (== net8.0) (== net9.0)
    System.Text.RegularExpressions (4.3.1)
      System.Runtime (>= 4.3.1) - restriction: || (&& (== net472) (< net45)) (&& (== net472) (>= netcoreapp1.1)) (== net8.0) (== net9.0)
    System.Threading (4.3) - restriction: || (&& (== net472) (< net45)) (== net8.0) (== net9.0)
      System.Runtime (>= 4.3) - restriction: || (&& (== net472) (< net45)) (== net8.0) (== net9.0)
      System.Threading.Tasks (>= 4.3) - restriction: || (&& (== net472) (< net45)) (== net8.0) (== net9.0)
    System.Threading.Channels (8.0) - restriction: || (== net472) (&& (== net8.0) (>= net462) (< netstandard2.0)) (&& (== net8.0) (>= net471)) (&& (== net8.0) (< net6.0)) (&& (== net9.0) (>= net462) (< netstandard2.0)) (&& (== net9.0) (>= net471)) (&& (== net9.0) (< net6.0))
      System.Threading.Tasks.Extensions (>= 4.5.4) - restriction: || (== net472) (&& (== net8.0) (>= net462)) (&& (== net8.0) (< netstandard2.1)) (&& (== net9.0) (>= net462)) (&& (== net9.0) (< netstandard2.1))
    System.Threading.Tasks (4.3) - restriction: || (&& (== net472) (< net45)) (== net8.0) (== net9.0)
      Microsoft.NETCore.Platforms (>= 1.1) - restriction: || (&& (== net472) (< net45)) (== net8.0) (== net9.0)
      Microsoft.NETCore.Targets (>= 1.1) - restriction: || (&& (== net472) (< net45)) (== net8.0) (== net9.0)
      System.Runtime (>= 4.3) - restriction: || (&& (== net472) (< net45)) (== net8.0) (== net9.0)
    System.Threading.Tasks.Extensions (4.5.4)
      System.Runtime.CompilerServices.Unsafe (>= 4.5.3) - restriction: || (== net472) (&& (== net8.0) (>= net461)) (&& (== net8.0) (< netcoreapp2.1)) (&& (== net8.0) (< netstandard1.0)) (&& (== net8.0) (< netstandard2.0)) (&& (== net8.0) (>= wp8)) (&& (== net9.0) (>= net461)) (&& (== net9.0) (< netcoreapp2.1)) (&& (== net9.0) (< netstandard1.0)) (&& (== net9.0) (< netstandard2.0)) (&& (== net9.0) (>= wp8))
    System.Threading.Thread (4.3) - restriction: || (&& (== net472) (< net452)) (== net8.0) (== net9.0)
      System.Runtime (>= 4.3) - restriction: || (&& (== net472) (< net46)) (== net8.0) (== net9.0)
    System.Threading.ThreadPool (4.3) - restriction: || (&& (== net472) (< net46)) (== net8.0) (== net9.0)
      System.Runtime (>= 4.3) - restriction: || (&& (== net472) (< net46)) (== net8.0) (== net9.0)
      System.Runtime.Handles (>= 4.3) - restriction: || (&& (== net472) (< net46)) (== net8.0) (== net9.0)
    System.ValueTuple (4.5)
    System.Xml.ReaderWriter (4.3.1) - restriction: || (&& (== net472) (< net45)) (== net8.0) (== net9.0)
      System.Collections (>= 4.3) - restriction: || (&& (== net472) (< net45)) (== net8.0) (== net9.0)
      System.Diagnostics.Debug (>= 4.3) - restriction: || (&& (== net472) (< net45)) (== net8.0) (== net9.0)
      System.Globalization (>= 4.3) - restriction: || (&& (== net472) (< net45)) (== net8.0) (== net9.0)
      System.IO (>= 4.3) - restriction: || (&& (== net472) (< net45)) (== net8.0) (== net9.0)
      System.IO.FileSystem (>= 4.3) - restriction: || (&& (== net472) (< net45)) (== net8.0) (== net9.0)
      System.IO.FileSystem.Primitives (>= 4.3) - restriction: || (&& (== net472) (< net45)) (== net8.0) (== net9.0)
      System.Resources.ResourceManager (>= 4.3) - restriction: || (&& (== net472) (< net45)) (== net8.0) (== net9.0)
      System.Runtime (>= 4.3) - restriction: || (&& (== net472) (< net45)) (== net8.0) (== net9.0)
      System.Runtime.Extensions (>= 4.3) - restriction: || (&& (== net472) (< net45)) (== net8.0) (== net9.0)
      System.Runtime.InteropServices (>= 4.3) - restriction: || (&& (== net472) (< net45)) (== net8.0) (== net9.0)
      System.Text.Encoding (>= 4.3) - restriction: || (&& (== net472) (< net45)) (== net8.0) (== net9.0)
      System.Text.Encoding.Extensions (>= 4.3) - restriction: || (&& (== net472) (< net45)) (== net8.0) (== net9.0)
      System.Text.RegularExpressions (>= 4.3) - restriction: || (&& (== net472) (< net45)) (== net8.0) (== net9.0)
      System.Threading.Tasks (>= 4.3) - restriction: || (&& (== net472) (< net45)) (== net8.0) (== net9.0)
      System.Threading.Tasks.Extensions (>= 4.3) - restriction: || (&& (== net472) (< net45)) (== net8.0) (== net9.0)
    System.Xml.XDocument (4.3) - restriction: || (&& (== net472) (< net45)) (== net8.0) (== net9.0)
      System.Collections (>= 4.3) - restriction: || (&& (== net472) (< net45)) (== net8.0) (== net9.0)
      System.Diagnostics.Debug (>= 4.3) - restriction: || (&& (== net472) (< net45)) (== net8.0) (== net9.0)
      System.Diagnostics.Tools (>= 4.3) - restriction: || (&& (== net472) (< net45)) (== net8.0) (== net9.0)
      System.Globalization (>= 4.3) - restriction: || (&& (== net472) (< net45)) (== net8.0) (== net9.0)
      System.IO (>= 4.3) - restriction: || (&& (== net472) (< net45)) (== net8.0) (== net9.0)
      System.Reflection (>= 4.3) - restriction: || (&& (== net472) (< net45)) (== net8.0) (== net9.0)
      System.Resources.ResourceManager (>= 4.3) - restriction: || (&& (== net472) (< net45)) (== net8.0) (== net9.0)
      System.Runtime (>= 4.3) - restriction: || (&& (== net472) (< net45)) (== net8.0) (== net9.0)
      System.Runtime.Extensions (>= 4.3) - restriction: || (&& (== net472) (< net45)) (== net8.0) (== net9.0)
      System.Text.Encoding (>= 4.3) - restriction: || (&& (== net472) (< net45)) (== net8.0) (== net9.0)
      System.Threading (>= 4.3) - restriction: || (&& (== net472) (< net45)) (== net8.0) (== net9.0)
      System.Xml.ReaderWriter (>= 4.3) - restriction: || (&& (== net472) (< net45)) (== net8.0) (== net9.0)
    System.Xml.XmlDocument (4.3) - restriction: || (&& (== net472) (< net45)) (== net8.0) (== net9.0)
      System.Collections (>= 4.3) - restriction: || (&& (== net472) (< net46)) (== net8.0) (== net9.0)
      System.Diagnostics.Debug (>= 4.3) - restriction: || (&& (== net472) (< net46)) (== net8.0) (== net9.0)
      System.Globalization (>= 4.3) - restriction: || (&& (== net472) (< net46)) (== net8.0) (== net9.0)
      System.IO (>= 4.3) - restriction: || (&& (== net472) (< net46)) (== net8.0) (== net9.0)
      System.Resources.ResourceManager (>= 4.3) - restriction: || (&& (== net472) (< net46)) (== net8.0) (== net9.0)
      System.Runtime (>= 4.3) - restriction: || (&& (== net472) (< net46)) (== net8.0) (== net9.0)
      System.Runtime.Extensions (>= 4.3) - restriction: || (&& (== net472) (< net46)) (== net8.0) (== net9.0)
      System.Text.Encoding (>= 4.3) - restriction: || (&& (== net472) (< net46)) (== net8.0) (== net9.0)
      System.Threading (>= 4.3) - restriction: || (&& (== net472) (< net46)) (== net8.0) (== net9.0)
      System.Xml.ReaderWriter (>= 4.3) - restriction: || (&& (== net472) (< net46)) (== net8.0) (== net9.0)
    System.Xml.XmlSerializer (4.3) - restriction: || (&& (== net472) (< net45)) (== net8.0) (== net9.0)
      System.Collections (>= 4.3) - restriction: || (&& (== net472) (< net45)) (== net8.0) (== net9.0)
      System.Globalization (>= 4.3) - restriction: || (&& (== net472) (< net45)) (== net8.0) (== net9.0)
      System.IO (>= 4.3) - restriction: || (&& (== net472) (< net45)) (== net8.0) (== net9.0)
      System.Linq (>= 4.3) - restriction: || (&& (== net472) (< net45)) (== net8.0) (== net9.0)
      System.Reflection (>= 4.3) - restriction: || (&& (== net472) (< net45)) (== net8.0) (== net9.0)
      System.Reflection.Emit (>= 4.3) - restriction: || (&& (== net472) (< net45)) (== net8.0) (== net9.0)
      System.Reflection.Emit.ILGeneration (>= 4.3) - restriction: || (&& (== net472) (< net45)) (== net8.0) (== net9.0)
      System.Reflection.Extensions (>= 4.3) - restriction: || (&& (== net472) (< net45)) (== net8.0) (== net9.0)
      System.Reflection.Primitives (>= 4.3) - restriction: || (&& (== net472) (< net45)) (== net8.0) (== net9.0)
      System.Reflection.TypeExtensions (>= 4.3) - restriction: || (&& (== net472) (< net45)) (== net8.0) (== net9.0)
      System.Resources.ResourceManager (>= 4.3) - restriction: || (&& (== net472) (< net45)) (== net8.0) (== net9.0)
      System.Runtime (>= 4.3) - restriction: || (&& (== net472) (< net45)) (== net8.0) (== net9.0)
      System.Runtime.Extensions (>= 4.3) - restriction: || (&& (== net472) (< net45)) (== net8.0) (== net9.0)
      System.Text.RegularExpressions (>= 4.3) - restriction: || (&& (== net472) (< net45)) (== net8.0) (== net9.0)
      System.Threading (>= 4.3) - restriction: || (&& (== net472) (< net45)) (== net8.0) (== net9.0)
      System.Xml.ReaderWriter (>= 4.3) - restriction: || (&& (== net472) (< net45)) (== net8.0) (== net9.0)
      System.Xml.XmlDocument (>= 4.3) - restriction: || (&& (== net472) (< net45)) (== net8.0) (== net9.0)
    WildcardMatch (1.0.7)
      NETStandard.Library (>= 1.6.1) - restriction: || (&& (== net472) (< net40)) (== net8.0) (== net9.0)

GROUP DotNet-Tools
STORAGE: NONE
CONTENT: NONE
NUGET
  remote: https://api.nuget.org/v3/index.json
    AzureSignTool (6.0)
    fake-cli (6.1.3)
    Paket (8.0.3)

GROUP Fake-Build
STORAGE: NONE
RESTRICTION: == net8.0
NUGET
  remote: https://api.nuget.org/v3/index.json
    BlackFox.VsWhere (1.1)
      FSharp.Core (>= 4.2.3)
      Microsoft.Win32.Registry (>= 4.7)
    Fake.Api.GitHub (6.1.3)
      FSharp.Core (>= 8.0.301)
      Octokit (>= 13.0.1)
    Fake.BuildServer.GitHubActions (6.1.3)
      Fake.Core.Environment (>= 6.1.3)
      Fake.Core.Trace (>= 6.1.3)
      FSharp.Core (>= 8.0.301)
    Fake.Core.CommandLineParsing (6.1.3)
      FParsec (>= 1.1.1)
      FSharp.Core (>= 8.0.301)
    Fake.Core.Context (6.1.3)
      FSharp.Core (>= 8.0.301)
    Fake.Core.Environment (6.1.3)
      FSharp.Core (>= 8.0.301)
    Fake.Core.FakeVar (6.1.3)
      Fake.Core.Context (>= 6.1.3)
      FSharp.Core (>= 8.0.301)
    Fake.Core.Process (6.1.3)
      Fake.Core.Environment (>= 6.1.3)
      Fake.Core.FakeVar (>= 6.1.3)
      Fake.Core.String (>= 6.1.3)
      Fake.Core.Trace (>= 6.1.3)
      Fake.IO.FileSystem (>= 6.1.3)
      FSharp.Core (>= 8.0.301)
      System.Collections.Immutable (>= 8.0)
    Fake.Core.ReleaseNotes (6.1.3)
      Fake.Core.SemVer (>= 6.1.3)
      Fake.Core.String (>= 6.1.3)
      FSharp.Core (>= 8.0.301)
    Fake.Core.SemVer (6.1.3)
      FSharp.Core (>= 8.0.301)
    Fake.Core.String (6.1.3)
      FSharp.Core (>= 8.0.301)
    Fake.Core.Target (6.1.3)
      Fake.Core.CommandLineParsing (>= 6.1.3)
      Fake.Core.Context (>= 6.1.3)
      Fake.Core.Environment (>= 6.1.3)
      Fake.Core.FakeVar (>= 6.1.3)
      Fake.Core.Process (>= 6.1.3)
      Fake.Core.String (>= 6.1.3)
      Fake.Core.Trace (>= 6.1.3)
      FSharp.Control.Reactive (>= 5.0.2)
      FSharp.Core (>= 8.0.301)
    Fake.Core.Tasks (6.1.3)
      Fake.Core.Trace (>= 6.1.3)
      FSharp.Core (>= 8.0.301)
    Fake.Core.Trace (6.1.3)
      Fake.Core.Environment (>= 6.1.3)
      Fake.Core.FakeVar (>= 6.1.3)
      FSharp.Core (>= 8.0.301)
    Fake.Core.Xml (6.1.3)
      Fake.Core.String (>= 6.1.3)
      FSharp.Core (>= 8.0.301)
    Fake.DotNet.AssemblyInfoFile (6.1.3)
      Fake.Core.Environment (>= 6.1.3)
      Fake.Core.String (>= 6.1.3)
      Fake.Core.Trace (>= 6.1.3)
      Fake.IO.FileSystem (>= 6.1.3)
      FSharp.Core (>= 8.0.301)
    Fake.DotNet.Cli (6.1.3)
      Fake.Core.Environment (>= 6.1.3)
      Fake.Core.Process (>= 6.1.3)
      Fake.Core.String (>= 6.1.3)
      Fake.Core.Trace (>= 6.1.3)
      Fake.DotNet.MSBuild (>= 6.1.3)
      Fake.DotNet.NuGet (>= 6.1.3)
      Fake.IO.FileSystem (>= 6.1.3)
      FSharp.Core (>= 8.0.301)
      Mono.Posix.NETStandard (>= 1.0)
      Newtonsoft.Json (>= 13.0.3)
    Fake.DotNet.MSBuild (6.1.3)
      BlackFox.VsWhere (>= 1.1)
      Fake.Core.Environment (>= 6.1.3)
      Fake.Core.Process (>= 6.1.3)
      Fake.Core.String (>= 6.1.3)
      Fake.Core.Trace (>= 6.1.3)
      Fake.IO.FileSystem (>= 6.1.3)
      FSharp.Core (>= 8.0.301)
      MSBuild.StructuredLogger (>= 2.1.815)
    Fake.DotNet.NuGet (6.1.3)
      Fake.Core.Environment (>= 6.1.3)
      Fake.Core.Process (>= 6.1.3)
      Fake.Core.SemVer (>= 6.1.3)
      Fake.Core.String (>= 6.1.3)
      Fake.Core.Tasks (>= 6.1.3)
      Fake.Core.Trace (>= 6.1.3)
      Fake.Core.Xml (>= 6.1.3)
      Fake.IO.FileSystem (>= 6.1.3)
      Fake.Net.Http (>= 6.1.3)
      FSharp.Core (>= 8.0.301)
      Newtonsoft.Json (>= 13.0.3)
      NuGet.Protocol (>= 6.10.1)
    Fake.DotNet.Paket (6.1.3)
      Fake.Core.Process (>= 6.1.3)
      Fake.Core.String (>= 6.1.3)
      Fake.Core.Trace (>= 6.1.3)
      Fake.DotNet.Cli (>= 6.1.3)
      Fake.IO.FileSystem (>= 6.1.3)
      FSharp.Core (>= 8.0.301)
    Fake.DotNet.Testing.XUnit2 (6.1.3)
      Fake.Core.Process (>= 6.1.3)
      Fake.Core.String (>= 6.1.3)
      Fake.Core.Trace (>= 6.1.3)
      Fake.IO.FileSystem (>= 6.1.3)
      Fake.Testing.Common (>= 6.1.3)
      FSharp.Core (>= 8.0.301)
    Fake.IO.FileSystem (6.1.3)
      Fake.Core.String (>= 6.1.3)
      Fake.Core.Trace (>= 6.1.3)
      FSharp.Core (>= 8.0.301)
    Fake.IO.Zip (6.1.3)
      Fake.Core.String (>= 6.1.3)
      Fake.IO.FileSystem (>= 6.1.3)
      FSharp.Core (>= 8.0.301)
    Fake.Net.Http (6.1.3)
      Fake.Core.Trace (>= 6.1.3)
      FSharp.Core (>= 8.0.301)
    Fake.Testing.Common (6.1.3)
      Fake.Core.Trace (>= 6.1.3)
      FSharp.Core (>= 8.0.301)
    FParsec (1.1.1)
      FSharp.Core (>= 4.3.4)
    FSharp.Control.Reactive (5.0.5)
      FSharp.Core (>= 4.7.2)
      System.Reactive (>= 5.0 < 6.0)
    FSharp.Core (8.0.401)
    Microsoft.Build (17.11.4)
      Microsoft.Build.Framework (>= 17.11.4)
      Microsoft.NET.StringTools (>= 17.11.4)
      System.Collections.Immutable (>= 8.0)
      System.Configuration.ConfigurationManager (>= 8.0)
      System.Reflection.Metadata (>= 8.0)
      System.Reflection.MetadataLoadContext (>= 8.0)
    Microsoft.Build.Framework (17.11.4)
    Microsoft.Build.Tasks.Core (17.11.4)
      Microsoft.Build.Framework (>= 17.11.4)
      Microsoft.Build.Utilities.Core (>= 17.11.4)
      Microsoft.NET.StringTools (>= 17.11.4)
      System.CodeDom (>= 8.0)
      System.Collections.Immutable (>= 8.0)
      System.Configuration.ConfigurationManager (>= 8.0)
      System.Resources.Extensions (>= 8.0)
      System.Security.Cryptography.Pkcs (>= 8.0)
      System.Security.Cryptography.Xml (>= 8.0)
    Microsoft.Build.Utilities.Core (17.11.4)
      Microsoft.Build.Framework (>= 17.11.4)
      Microsoft.NET.StringTools (>= 17.11.4)
      System.Collections.Immutable (>= 8.0)
      System.Configuration.ConfigurationManager (>= 8.0)
    Microsoft.NET.StringTools (17.12.6)
      System.Memory (>= 4.5.5)
      System.Runtime.CompilerServices.Unsafe (>= 6.0)
    Microsoft.Win32.Registry (5.0)
      System.Security.AccessControl (>= 5.0)
      System.Security.Principal.Windows (>= 5.0)
    Mono.Posix.NETStandard (1.0)
    MSBuild.StructuredLogger (2.2.383)
      Microsoft.Build.Framework (>= 17.5)
      Microsoft.Build.Utilities.Core (>= 17.5)
      System.Collections.Immutable (>= 8.0)
    Newtonsoft.Json (13.0.3)
    NuGet.Common (6.11.1)
      NuGet.Frameworks (>= 6.11.1)
    NuGet.Configuration (6.11.1)
      NuGet.Common (>= 6.11.1)
      System.Security.Cryptography.ProtectedData (>= 4.4)
    NuGet.Frameworks (6.11.1)
    NuGet.Packaging (6.11.1)
      Newtonsoft.Json (>= 13.0.3)
      NuGet.Configuration (>= 6.11.1)
      NuGet.Versioning (>= 6.11.1)
      System.Security.Cryptography.Pkcs (>= 6.0.4)
    NuGet.Protocol (6.11.1)
      NuGet.Packaging (>= 6.11.1)
    NuGet.Versioning (6.11.1)
    Octokit (13.0.1)
    System.CodeDom (8.0)
    System.Collections.Immutable (8.0)
    System.Configuration.ConfigurationManager (8.0.1)
      System.Diagnostics.EventLog (>= 8.0.1)
      System.Security.Cryptography.ProtectedData (>= 8.0)
    System.Diagnostics.EventLog (8.0.1)
    System.Memory (4.5.5)
    System.Reactive (5.0)
    System.Reflection.Metadata (8.0.1)
    System.Reflection.MetadataLoadContext (8.0.1)
    System.Resources.Extensions (8.0)
    System.Runtime.CompilerServices.Unsafe (6.0)
    System.Security.AccessControl (6.0.1)
    System.Security.Cryptography.Pkcs (8.0.1)
    System.Security.Cryptography.ProtectedData (8.0)
    System.Security.Cryptography.Xml (8.0.2)
      System.Security.Cryptography.Pkcs (>= 8.0.1)
    System.Security.Principal.Windows (5.0)

GROUP Fake-Tools
STORAGE: PACKAGES
NUGET
  remote: https://api.nuget.org/v3/index.json
    xunit.runner.console (2.9.2)

GROUP Tests
STORAGE: NONE
CONTENT: NONE
RESTRICTION: == net472
NUGET
  remote: https://api.nuget.org/v3/index.json
    Microsoft.CodeCoverage (17.11.1)
    Microsoft.NET.Test.Sdk (17.11.1)
      Microsoft.CodeCoverage (>= 17.11.1)
    Microsoft.TestPlatform.ObjectModel (17.11.1)
      System.Reflection.Metadata (>= 1.6)
    System.Buffers (4.5.1)
    System.Collections.Immutable (8.0)
      System.Memory (>= 4.5.5)
      System.Runtime.CompilerServices.Unsafe (>= 6.0)
    System.Memory (4.5.5)
      System.Buffers (>= 4.5.1)
      System.Numerics.Vectors (>= 4.5)
      System.Runtime.CompilerServices.Unsafe (>= 4.5.3)
    System.Numerics.Vectors (4.5)
    System.Reflection.Metadata (8.0.1)
      System.Collections.Immutable (>= 8.0)
      System.Memory (>= 4.5.5)
    System.Runtime.CompilerServices.Unsafe (6.0)
    xunit (2.9.2)
      xunit.analyzers (>= 1.16)
      xunit.assert (>= 2.9.2)
      xunit.core (2.9.2)
    xunit.abstractions (2.0.3)
    xunit.analyzers (1.16)
    xunit.assert (2.9.2)
    xunit.core (2.9.2)
      xunit.extensibility.core (2.9.2)
      xunit.extensibility.execution (2.9.2)
    xunit.extensibility.core (2.9.2)
      xunit.abstractions (>= 2.0.3)
    xunit.extensibility.execution (2.9.2)
      xunit.extensibility.core (2.9.2)
    xunit.runner.visualstudio (2.8.2)
      Microsoft.TestPlatform.ObjectModel (>= 17.10)

GROUP Tests-netcore
STORAGE: NONE
CONTENT: NONE
RESTRICTION: || (== net8.0) (== net9.0)
NUGET
  remote: https://api.nuget.org/v3/index.json
    Microsoft.CodeCoverage (17.11.1)
    Microsoft.NET.Test.Sdk (17.11.1)
      Microsoft.CodeCoverage (>= 17.11.1)
      Microsoft.TestPlatform.TestHost (>= 17.11.1)
    Microsoft.TestPlatform.ObjectModel (17.11.1)
      System.Reflection.Metadata (>= 1.6)
    Microsoft.TestPlatform.TestHost (17.11.1)
      Microsoft.TestPlatform.ObjectModel (>= 17.11.1)
      Newtonsoft.Json (>= 13.0.1)
    Newtonsoft.Json (13.0.3)
    System.Reflection.Metadata (8.0.1)
    xunit (2.9.2)
      xunit.analyzers (>= 1.16)
      xunit.assert (>= 2.9.2)
      xunit.core (2.9.2)
    xunit.abstractions (2.0.3)
    xunit.analyzers (1.16)
    xunit.assert (2.9.2)
    xunit.core (2.9.2)
      xunit.extensibility.core (2.9.2)
      xunit.extensibility.execution (2.9.2)
    xunit.extensibility.core (2.9.2)
      xunit.abstractions (>= 2.0.3)
    xunit.extensibility.execution (2.9.2)
      xunit.extensibility.core (2.9.2)
    xunit.runner.visualstudio (2.8.2)

GROUP WiX
STORAGE: PACKAGES
NUGET
  remote: https://api.nuget.org/v3/index.json
    WixSharp.wix.bin (3.14.1)
