RESTRICTION: == net471
NUGET
  remote: https://www.nuget.org/api/v2
    Castle.Core (4.2.1)
    Microsoft.AnalysisServices.retail.amd64 (15.0.2)
    Moq (4.8.1)
      Castle.Core (>= 4.2.1)
      System.Threading.Tasks.Extensions (>= 4.3)
      System.ValueTuple (>= 4.3)
    Newtonsoft.Json (10.0.3)
    PowerArgs (3.0)
    Serilog (2.6)
    Serilog.Sinks.Console (3.1.1)
      Serilog (>= 2.5)
    System.Threading.Tasks.Extensions (4.4)
    System.ValueTuple (4.4)
    xunit (2.3.1)
      xunit.analyzers (>= 0.7)
      xunit.assert (2.3.1)
      xunit.core (2.3.1)
    xunit.abstractions (2.0.1)
    xunit.analyzers (0.8)
    xunit.assert (2.3.1)
    xunit.core (2.3.1)
      xunit.extensibility.core (2.3.1)
      xunit.extensibility.execution (2.3.1)
    xunit.extensibility.core (2.3.1)
      xunit.abstractions (>= 2.0.1)
    xunit.extensibility.execution (2.3.1)
      xunit.extensibility.core (2.3.1)
    xunit.runner.visualstudio (2.3.1)
