RESTRICTION: || (== net45) (== net471)
NUGET
  remote: https://www.nuget.org/api/v2
    Castle.Core (4.2.1)
    Microsoft.AnalysisServices.retail.amd64 (15.0.2)
    Microsoft.NETCore.Platforms (2.0.1) - restriction: || (== net45) (&& (== net471) (>= monoandroid)) (&& (== net471) (>= monotouch)) (&& (== net471) (< net45)) (&& (== net471) (< net452)) (&& (== net471) (>= netcoreapp2.0)) (&& (== net471) (< netstandard1.0)) (&& (== net471) (< netstandard1.3) (>= wpa81)) (&& (== net471) (< portable-net45+win8+wpa81)) (&& (== net471) (< portable-net451+win81+wpa81)) (&& (== net471) (>= uap10.0)) (&& (== net471) (>= xamarinios)) (&& (== net471) (>= xamarinmac)) (&& (== net471) (>= xamarintvos)) (&& (== net471) (>= xamarinwatchos))
    Moq (4.8.2)
      Castle.Core (>= 4.2.1)
      System.Threading.Tasks.Extensions (>= 4.3)
      System.ValueTuple (>= 4.4)
    NETStandard.Library (2.0.1) - restriction: || (== net45) (&& (== net471) (< net452))
      Microsoft.NETCore.Platforms (>= 1.1)
      System.Runtime.InteropServices.RuntimeInformation (>= 4.3) - restriction: || (== net45) (&& (== net471) (< net45) (< netstandard1.5)) (&& (== net471) (< net45) (< netstandard1.6)) (&& (== net471) (< net45) (< netstandard2.0)) (&& (== net471) (< netstandard1.0)) (&& (== net471) (< netstandard1.3)) (&& (== net471) (< netstandard1.4)) (&& (== net471) (< portable-net451+win81+wpa81)) (&& (== net471) (>= uap10.0))
    Newtonsoft.Json (11.0.1)
    PowerArgs (2.8.1)
    Serilog (2.6)
    Serilog.Sinks.Console (3.1.1)
      Serilog (>= 2.5)
    System.Collections (4.3) - restriction: || (== net45) (&& (== net471) (< netstandard2.0))
    System.Runtime (4.3) - restriction: || (== net45) (&& (== net471) (< netstandard2.0))
    System.Runtime.InteropServices.RuntimeInformation (4.3) - restriction: || (== net45) (&& (== net471) (< net45) (< netstandard1.3)) (&& (== net471) (< net45) (< netstandard1.4)) (&& (== net471) (< net45) (< netstandard1.5)) (&& (== net471) (< net45) (< netstandard1.6)) (&& (== net471) (< net45) (< netstandard2.0)) (&& (== net471) (< net452) (< netstandard1.3)) (&& (== net471) (< net452) (< netstandard1.4)) (&& (== net471) (< netstandard1.0)) (&& (== net471) (< netstandard1.3) (>= wpa81)) (&& (== net471) (< portable-net451+win81+wpa81)) (&& (== net471) (>= uap10.0))
    System.Threading.Tasks (4.3) - restriction: || (== net45) (&& (== net471) (< netstandard2.0))
    System.Threading.Tasks.Extensions (4.4)
      System.Collections (>= 4.3) - restriction: || (== net45) (&& (== net471) (< netstandard2.0))
      System.Runtime (>= 4.3) - restriction: || (== net45) (&& (== net471) (< netstandard2.0))
      System.Threading.Tasks (>= 4.3) - restriction: || (== net45) (&& (== net471) (< netstandard2.0))
    System.ValueTuple (4.4)
      NETStandard.Library (>= 1.6.1) - restriction: || (== net45) (&& (== net471) (< net461) (< netstandard2.0))
    xunit (2.3.1)
      xunit.analyzers (>= 0.7)
      xunit.assert (2.3.1)
      xunit.core (2.3.1)
    xunit.abstractions (2.0.1)
    xunit.analyzers (0.8)
    xunit.assert (2.3.1)
      NETStandard.Library (>= 1.6.1) - restriction: || (== net45) (&& (== net471) (< net452))
    xunit.core (2.3.1)
      xunit.extensibility.core (2.3.1)
      xunit.extensibility.execution (2.3.1)
    xunit.extensibility.core (2.3.1)
      NETStandard.Library (>= 1.6.1) - restriction: || (== net45) (&& (== net471) (< net452))
      xunit.abstractions (>= 2.0.1)
    xunit.extensibility.execution (2.3.1)
      NETStandard.Library (>= 1.6.1) - restriction: || (== net45) (&& (== net471) (< net452))
      xunit.extensibility.core (2.3.1)
    xunit.runner.visualstudio (2.3.1)
