CONTENT: NONE
RESTRICTION: || (== net452) (== net471)
NUGET
  remote: https://www.nuget.org/api/v2
    Castle.Core (4.2.1)
    Costura.Fody (2.0.1)
      Fody (>= 3.0.3)
    Fody (3.0.3)
    Microsoft.AnalysisServices.retail.amd64 (18.0.9)
    Microsoft.NETCore.Platforms (2.0.1) - restriction: || (== net452) (&& (== net471) (>= monoandroid) (< netstandard2.0)) (&& (== net471) (>= monotouch)) (&& (== net471) (< net45) (< netstandard1.5)) (&& (== net471) (< net45) (< netstandard1.6)) (&& (== net471) (< net45) (< netstandard2.0)) (&& (== net471) (< net461) (< netstandard2.0)) (&& (== net471) (>= netcoreapp2.0) (< netstandard2.0)) (&& (== net471) (< netstandard1.0)) (&& (== net471) (< netstandard1.3)) (&& (== net471) (< netstandard1.4)) (&& (== net471) (< netstandard1.5) (>= uap10.0)) (&& (== net471) (< netstandard2.0) (>= xamarinios)) (&& (== net471) (< netstandard2.0) (>= xamarinmac)) (&& (== net471) (< portable-net45+win8+wpa81)) (&& (== net471) (< portable-net451+win81+wpa81)) (&& (== net471) (>= uap10.1)) (&& (== net471) (>= xamarintvos)) (&& (== net471) (>= xamarinwatchos))
    Microsoft.VisualStudio.Threading (15.6.46)
      Microsoft.VisualStudio.Threading.Analyzers (>= 15.6.46)
      Microsoft.VisualStudio.Validation (>= 15.3.15)
    Microsoft.VisualStudio.Threading.Analyzers (15.6.46)
    Microsoft.VisualStudio.Validation (15.3.32)
    Moq (4.8.2)
      Castle.Core (>= 4.2.1)
      System.Threading.Tasks.Extensions (>= 4.3)
      System.ValueTuple (>= 4.4)
    NETStandard.Library (2.0.1) - restriction: || (== net452) (&& (== net471) (< net461) (< netstandard2.0))
      Microsoft.NETCore.Platforms (>= 1.1)
      System.Runtime.InteropServices.RuntimeInformation (>= 4.3) - restriction: || (== net452) (&& (== net471) (< net45) (< netstandard1.5)) (&& (== net471) (< net45) (< netstandard1.6)) (&& (== net471) (< net45) (< netstandard2.0)) (&& (== net471) (< netstandard1.0)) (&& (== net471) (< netstandard1.3)) (&& (== net471) (< netstandard1.4)) (&& (== net471) (< netstandard1.5) (>= uap10.0)) (&& (== net471) (< portable-net451+win81+wpa81))
    Newtonsoft.Json (11.0.2)
    Polly (6.0.1)
      NETStandard.Library (>= 1.6.1) - restriction: || (== net452) (&& (== net471) (< netstandard2.0))
    PowerArgs (2.8.1)
    Serilog (2.7.1)
    Serilog.Sinks.Console (3.1.1)
      Serilog (>= 2.5)
    StreamJsonRpc (1.3.23)
      Microsoft.VisualStudio.Threading (>= 15.3.20)
      Newtonsoft.Json (>= 6.0.6)
    System.Collections (4.3) - restriction: || (== net452) (&& (== net471) (< netstandard2.0))
    System.Runtime (4.3) - restriction: || (== net452) (&& (== net471) (< netstandard2.0))
    System.Runtime.InteropServices.RuntimeInformation (4.3) - restriction: || (== net452) (&& (== net471) (< net45) (< netstandard1.5)) (&& (== net471) (< net45) (< netstandard1.6)) (&& (== net471) (< net45) (< netstandard2.0)) (&& (== net471) (< netstandard1.0)) (&& (== net471) (< netstandard1.3)) (&& (== net471) (< netstandard1.4)) (&& (== net471) (< netstandard1.5) (>= uap10.0)) (&& (== net471) (< portable-net451+win81+wpa81))
    System.Threading.Tasks (4.3) - restriction: || (== net452) (&& (== net471) (< netstandard2.0))
    System.Threading.Tasks.Extensions (4.4)
      System.Collections (>= 4.3) - restriction: || (== net452) (&& (== net471) (< netstandard2.0))
      System.Runtime (>= 4.3) - restriction: || (== net452) (&& (== net471) (< netstandard2.0))
      System.Threading.Tasks (>= 4.3) - restriction: || (== net452) (&& (== net471) (< netstandard2.0))
    System.ValueTuple (4.4)
      NETStandard.Library (>= 1.6.1) - restriction: || (== net452) (&& (== net471) (< net461) (< netstandard2.0))
    xunit (2.3.1)
      xunit.analyzers (>= 0.7)
      xunit.assert (2.3.1)
      xunit.core (2.3.1)
    xunit.abstractions (2.0.1)
    xunit.analyzers (0.8)
    xunit.assert (2.3.1)
    xunit.core (2.3.1)
      xunit.extensibility.core (2.3.1)
      xunit.extensibility.execution (2.3.1)
    xunit.extensibility.core (2.3.1)
      xunit.abstractions (>= 2.0.1)
    xunit.extensibility.execution (2.3.1)
      xunit.extensibility.core (2.3.1)
    xunit.runner.visualstudio (2.3.1)

GROUP Build
CONTENT: NONE
NUGET
  remote: https://www.nuget.org/api/v2
    FAKE (5.16)
